GIT
  remote: git@github.com:aza-backstage/aza-siem.git
  revision: 67bc2875cd923c022d8dfdd43960c2c8e766f1d8
  specs:
    aza-siem (0.0.0)
      amazing_print (~> 1.4)
      ddtrace (~> 1.0)
      dotenv
      lograge (~> 0.12)
      lograge-sql (~> 2.0)
      ougai (~> 2.0)

GEM
  remote: https://rubygems.org/
  specs:
    aasm (5.5.0)
      concurrent-ruby (~> 1.0)
    actioncable (7.1.3.4)
      actionpack (= 7.1.3.4)
      activesupport (= 7.1.3.4)
      nio4r (~> 2.0)
      websocket-driver (>= 0.6.1)
      zeitwerk (~> 2.6)
    actionmailbox (7.1.3.4)
      actionpack (= 7.1.3.4)
      activejob (= 7.1.3.4)
      activerecord (= 7.1.3.4)
      activestorage (= 7.1.3.4)
      activesupport (= 7.1.3.4)
      mail (>= 2.7.1)
      net-imap
      net-pop
      net-smtp
    actionmailer (7.1.3.4)
      actionpack (= 7.1.3.4)
      actionview (= 7.1.3.4)
      activejob (= 7.1.3.4)
      activesupport (= 7.1.3.4)
      mail (~> 2.5, >= 2.5.4)
      net-imap
      net-pop
      net-smtp
      rails-dom-testing (~> 2.2)
    actionpack (7.1.3.4)
      actionview (= 7.1.3.4)
      activesupport (= 7.1.3.4)
      nokogiri (>= 1.8.5)
      racc
      rack (>= 2.2.4)
      rack-session (>= 1.0.1)
      rack-test (>= 0.6.3)
      rails-dom-testing (~> 2.2)
      rails-html-sanitizer (~> 1.6)
    actiontext (7.1.3.4)
      actionpack (= 7.1.3.4)
      activerecord (= 7.1.3.4)
      activestorage (= 7.1.3.4)
      activesupport (= 7.1.3.4)
      globalid (>= 0.6.0)
      nokogiri (>= 1.8.5)
    actionview (7.1.3.4)
      activesupport (= 7.1.3.4)
      builder (~> 3.1)
      erubi (~> 1.11)
      rails-dom-testing (~> 2.2)
      rails-html-sanitizer (~> 1.6)
    active_model_serializers (0.10.14)
      actionpack (>= 4.1)
      activemodel (>= 4.1)
      case_transform (>= 0.2)
      jsonapi-renderer (>= 0.1.1.beta1, < 0.3)
    activejob (7.1.3.4)
      activesupport (= 7.1.3.4)
      globalid (>= 0.3.6)
    activemodel (7.1.3.4)
      activesupport (= 7.1.3.4)
    activerecord (7.1.3.4)
      activemodel (= 7.1.3.4)
      activesupport (= 7.1.3.4)
      timeout (>= 0.4.0)
    activestorage (7.1.3.4)
      actionpack (= 7.1.3.4)
      activejob (= 7.1.3.4)
      activerecord (= 7.1.3.4)
      activesupport (= 7.1.3.4)
      marcel (~> 1.0)
    activesupport (7.1.3.4)
      base64
      bigdecimal
      concurrent-ruby (~> 1.0, >= 1.0.2)
      connection_pool (>= 2.2.5)
      drb
      i18n (>= 1.6, < 2)
      minitest (>= 5.1)
      mutex_m
      tzinfo (~> 2.0)
    addressable (2.8.7)
      public_suffix (>= 2.0.2, < 7.0)
    amazing_print (1.6.0)
    analytics-ruby (2.4.0)
    approval (0.7.1)
    ast (2.4.2)
    attr_encrypted (4.1.0)
      encryptor (~> 3.0.0)
    authlogic (6.4.3)
      activemodel (>= 5.2, < 7.2)
      activerecord (>= 5.2, < 7.2)
      activesupport (>= 5.2, < 7.2)
      request_store (~> 1.0)
    autoprefixer-rails (10.4.19.0)
      execjs (~> 2)
    autotuner (1.0.2)
    aws-eventstream (1.3.0)
    aws-partitions (1.963.0)
    aws-sdk (3.2.0)
      aws-sdk-resources (~> 3)
    aws-sdk-accessanalyzer (1.54.0)
      aws-sdk-core (~> 3, >= 3.201.0)
      aws-sigv4 (~> 1.1)
    aws-sdk-account (1.28.0)
      aws-sdk-core (~> 3, >= 3.201.0)
      aws-sigv4 (~> 1.1)
    aws-sdk-acm (1.74.0)
      aws-sdk-core (~> 3, >= 3.201.0)
      aws-sigv4 (~> 1.5)
    aws-sdk-acmpca (1.76.0)
      aws-sdk-core (~> 3, >= 3.201.0)
      aws-sigv4 (~> 1.5)
    aws-sdk-amplify (1.66.0)
      aws-sdk-core (~> 3, >= 3.201.0)
      aws-sigv4 (~> 1.5)
    aws-sdk-amplifybackend (1.36.0)
      aws-sdk-core (~> 3, >= 3.201.0)
      aws-sigv4 (~> 1.1)
    aws-sdk-amplifyuibuilder (1.30.0)
      aws-sdk-core (~> 3, >= 3.201.0)
      aws-sigv4 (~> 1.1)
    aws-sdk-apigateway (1.101.0)
      aws-sdk-core (~> 3, >= 3.201.0)
      aws-sigv4 (~> 1.5)
    aws-sdk-apigatewaymanagementapi (1.48.0)
      aws-sdk-core (~> 3, >= 3.201.0)
      aws-sigv4 (~> 1.1)
    aws-sdk-apigatewayv2 (1.60.0)
      aws-sdk-core (~> 3, >= 3.201.0)
      aws-sigv4 (~> 1.1)
    aws-sdk-appconfig (1.51.0)
      aws-sdk-core (~> 3, >= 3.201.0)
      aws-sigv4 (~> 1.5)
    aws-sdk-appconfigdata (1.25.0)
      aws-sdk-core (~> 3, >= 3.201.0)
      aws-sigv4 (~> 1.1)
    aws-sdk-appfabric (1.14.0)
      aws-sdk-core (~> 3, >= 3.201.0)
      aws-sigv4 (~> 1.1)
    aws-sdk-appflow (1.62.0)
      aws-sdk-core (~> 3, >= 3.201.0)
      aws-sigv4 (~> 1.5)
    aws-sdk-appintegrationsservice (1.37.0)
      aws-sdk-core (~> 3, >= 3.201.0)
      aws-sigv4 (~> 1.5)
    aws-sdk-applicationautoscaling (1.90.0)
      aws-sdk-core (~> 3, >= 3.201.0)
      aws-sigv4 (~> 1.5)
    aws-sdk-applicationcostprofiler (1.28.0)
      aws-sdk-core (~> 3, >= 3.201.0)
      aws-sigv4 (~> 1.5)
    aws-sdk-applicationdiscoveryservice (1.71.0)
      aws-sdk-core (~> 3, >= 3.201.0)
      aws-sigv4 (~> 1.5)
    aws-sdk-applicationinsights (1.51.0)
      aws-sdk-core (~> 3, >= 3.201.0)
      aws-sigv4 (~> 1.5)
    aws-sdk-applicationsignals (1.4.0)
      aws-sdk-core (~> 3, >= 3.201.0)
      aws-sigv4 (~> 1.5)
    aws-sdk-appmesh (1.66.0)
      aws-sdk-core (~> 3, >= 3.201.0)
      aws-sigv4 (~> 1.1)
    aws-sdk-appregistry (1.39.0)
      aws-sdk-core (~> 3, >= 3.201.0)
      aws-sigv4 (~> 1.5)
    aws-sdk-apprunner (1.44.0)
      aws-sdk-core (~> 3, >= 3.201.0)
      aws-sigv4 (~> 1.5)
    aws-sdk-appstream (1.94.0)
      aws-sdk-core (~> 3, >= 3.201.0)
      aws-sigv4 (~> 1.5)
    aws-sdk-appsync (1.82.0)
      aws-sdk-core (~> 3, >= 3.201.0)
      aws-sigv4 (~> 1.5)
    aws-sdk-apptest (1.3.0)
      aws-sdk-core (~> 3, >= 3.201.0)
      aws-sigv4 (~> 1.5)
    aws-sdk-arczonalshift (1.19.0)
      aws-sdk-core (~> 3, >= 3.201.0)
      aws-sigv4 (~> 1.5)
    aws-sdk-artifact (1.7.0)
      aws-sdk-core (~> 3, >= 3.201.0)
      aws-sigv4 (~> 1.5)
    aws-sdk-athena (1.89.0)
      aws-sdk-core (~> 3, >= 3.201.0)
      aws-sigv4 (~> 1.5)
    aws-sdk-auditmanager (1.51.0)
      aws-sdk-core (~> 3, >= 3.201.0)
      aws-sigv4 (~> 1.5)
    aws-sdk-augmentedairuntime (1.42.0)
      aws-sdk-core (~> 3, >= 3.201.0)
      aws-sigv4 (~> 1.5)
    aws-sdk-autoscaling (1.114.0)
      aws-sdk-core (~> 3, >= 3.201.0)
      aws-sigv4 (~> 1.5)
    aws-sdk-autoscalingplans (1.59.0)
      aws-sdk-core (~> 3, >= 3.201.0)
      aws-sigv4 (~> 1.5)
    aws-sdk-b2bi (1.14.0)
      aws-sdk-core (~> 3, >= 3.201.0)
      aws-sigv4 (~> 1.5)
    aws-sdk-backup (1.73.0)
      aws-sdk-core (~> 3, >= 3.201.0)
      aws-sigv4 (~> 1.5)
    aws-sdk-backupgateway (1.24.0)
      aws-sdk-core (~> 3, >= 3.201.0)
      aws-sigv4 (~> 1.1)
    aws-sdk-batch (1.94.0)
      aws-sdk-core (~> 3, >= 3.201.0)
      aws-sigv4 (~> 1.5)
    aws-sdk-bcmdataexports (1.8.0)
      aws-sdk-core (~> 3, >= 3.201.0)
      aws-sigv4 (~> 1.1)
    aws-sdk-bedrock (1.14.0)
      aws-sdk-core (~> 3, >= 3.201.0)
      aws-sigv4 (~> 1.5)
    aws-sdk-bedrockagent (1.19.0)
      aws-sdk-core (~> 3, >= 3.201.0)
      aws-sigv4 (~> 1.1)
    aws-sdk-bedrockagentruntime (1.18.0)
      aws-sdk-core (~> 3, >= 3.201.0)
      aws-sigv4 (~> 1.1)
    aws-sdk-bedrockruntime (1.17.0)
      aws-sdk-core (~> 3, >= 3.201.0)
      aws-sigv4 (~> 1.5)
    aws-sdk-billingconductor (1.27.0)
      aws-sdk-core (~> 3, >= 3.201.0)
      aws-sigv4 (~> 1.1)
    aws-sdk-braket (1.40.0)
      aws-sdk-core (~> 3, >= 3.201.0)
      aws-sigv4 (~> 1.1)
    aws-sdk-budgets (1.71.0)
      aws-sdk-core (~> 3, >= 3.201.0)
      aws-sigv4 (~> 1.5)
    aws-sdk-chatbot (1.9.0)
      aws-sdk-core (~> 3, >= 3.201.0)
      aws-sigv4 (~> 1.5)
    aws-sdk-chime (1.89.0)
      aws-sdk-core (~> 3, >= 3.201.0)
      aws-sigv4 (~> 1.5)
    aws-sdk-chimesdkidentity (1.30.0)
      aws-sdk-core (~> 3, >= 3.201.0)
      aws-sigv4 (~> 1.5)
    aws-sdk-chimesdkmediapipelines (1.26.0)
      aws-sdk-core (~> 3, >= 3.201.0)
      aws-sigv4 (~> 1.5)
    aws-sdk-chimesdkmeetings (1.36.0)
      aws-sdk-core (~> 3, >= 3.201.0)
      aws-sigv4 (~> 1.5)
    aws-sdk-chimesdkmessaging (1.36.0)
      aws-sdk-core (~> 3, >= 3.201.0)
      aws-sigv4 (~> 1.5)
    aws-sdk-chimesdkvoice (1.26.0)
      aws-sdk-core (~> 3, >= 3.201.0)
      aws-sigv4 (~> 1.5)
    aws-sdk-cleanrooms (1.27.0)
      aws-sdk-core (~> 3, >= 3.201.0)
      aws-sigv4 (~> 1.5)
    aws-sdk-cleanroomsml (1.10.0)
      aws-sdk-core (~> 3, >= 3.201.0)
      aws-sigv4 (~> 1.5)
    aws-sdk-cloud9 (1.74.0)
      aws-sdk-core (~> 3, >= 3.201.0)
      aws-sigv4 (~> 1.5)
    aws-sdk-cloudcontrolapi (1.26.0)
      aws-sdk-core (~> 3, >= 3.201.0)
      aws-sigv4 (~> 1.1)
    aws-sdk-clouddirectory (1.61.0)
      aws-sdk-core (~> 3, >= 3.201.0)
      aws-sigv4 (~> 1.5)
    aws-sdk-cloudformation (1.114.0)
      aws-sdk-core (~> 3, >= 3.201.0)
      aws-sigv4 (~> 1.5)
    aws-sdk-cloudfront (1.96.0)
      aws-sdk-core (~> 3, >= 3.201.0)
      aws-sigv4 (~> 1.5)
    aws-sdk-cloudfrontkeyvaluestore (1.10.0)
      aws-sdk-core (~> 3, >= 3.201.0)
      aws-sigv4 (~> 1.1)
    aws-sdk-cloudhsm (1.58.0)
      aws-sdk-core (~> 3, >= 3.201.0)
      aws-sigv4 (~> 1.5)
    aws-sdk-cloudhsmv2 (1.62.0)
      aws-sdk-core (~> 3, >= 3.201.0)
      aws-sigv4 (~> 1.5)
    aws-sdk-cloudsearch (1.60.0)
      aws-sdk-core (~> 3, >= 3.201.0)
      aws-sigv4 (~> 1.5)
    aws-sdk-cloudsearchdomain (1.47.0)
      aws-sdk-core (~> 3, >= 3.201.0)
      aws-sigv4 (~> 1.5)
    aws-sdk-cloudtrail (1.85.0)
      aws-sdk-core (~> 3, >= 3.201.0)
      aws-sigv4 (~> 1.5)
    aws-sdk-cloudtraildata (1.16.0)
      aws-sdk-core (~> 3, >= 3.201.0)
      aws-sigv4 (~> 1.1)
    aws-sdk-cloudwatch (1.97.0)
      aws-sdk-core (~> 3, >= 3.201.0)
      aws-sigv4 (~> 1.5)
    aws-sdk-cloudwatchevents (1.77.0)
      aws-sdk-core (~> 3, >= 3.201.0)
      aws-sigv4 (~> 1.5)
    aws-sdk-cloudwatchevidently (1.28.0)
      aws-sdk-core (~> 3, >= 3.201.0)
      aws-sigv4 (~> 1.1)
    aws-sdk-cloudwatchlogs (1.88.0)
      aws-sdk-core (~> 3, >= 3.201.0)
      aws-sigv4 (~> 1.5)
    aws-sdk-cloudwatchrum (1.26.0)
      aws-sdk-core (~> 3, >= 3.201.0)
      aws-sigv4 (~> 1.1)
    aws-sdk-codeartifact (1.47.0)
      aws-sdk-core (~> 3, >= 3.201.0)
      aws-sigv4 (~> 1.5)
    aws-sdk-codebuild (1.123.0)
      aws-sdk-core (~> 3, >= 3.201.0)
      aws-sigv4 (~> 1.5)
    aws-sdk-codecatalyst (1.23.0)
      aws-sdk-core (~> 3, >= 3.201.0)
    aws-sdk-codecommit (1.72.0)
      aws-sdk-core (~> 3, >= 3.201.0)
      aws-sigv4 (~> 1.5)
    aws-sdk-codeconnections (1.7.0)
      aws-sdk-core (~> 3, >= 3.201.0)
      aws-sigv4 (~> 1.5)
    aws-sdk-codedeploy (1.72.0)
      aws-sdk-core (~> 3, >= 3.201.0)
      aws-sigv4 (~> 1.5)
    aws-sdk-codeguruprofiler (1.42.0)
      aws-sdk-core (~> 3, >= 3.201.0)
      aws-sigv4 (~> 1.1)
    aws-sdk-codegurureviewer (1.52.0)
      aws-sdk-core (~> 3, >= 3.201.0)
      aws-sigv4 (~> 1.5)
    aws-sdk-codegurusecurity (1.17.0)
      aws-sdk-core (~> 3, >= 3.201.0)
      aws-sigv4 (~> 1.1)
    aws-sdk-codepipeline (1.78.0)
      aws-sdk-core (~> 3, >= 3.201.0)
      aws-sigv4 (~> 1.5)
    aws-sdk-codestarconnections (1.48.0)
      aws-sdk-core (~> 3, >= 3.201.0)
      aws-sigv4 (~> 1.5)
    aws-sdk-codestarnotifications (1.39.0)
      aws-sdk-core (~> 3, >= 3.201.0)
      aws-sigv4 (~> 1.5)
    aws-sdk-cognitoidentity (1.60.0)
      aws-sdk-core (~> 3, >= 3.201.0)
      aws-sigv4 (~> 1.5)
    aws-sdk-cognitoidentityprovider (1.100.0)
      aws-sdk-core (~> 3, >= 3.201.0)
      aws-sigv4 (~> 1.5)
    aws-sdk-cognitosync (1.55.0)
      aws-sdk-core (~> 3, >= 3.201.0)
      aws-sigv4 (~> 1.5)
    aws-sdk-comprehend (1.87.0)
      aws-sdk-core (~> 3, >= 3.201.0)
      aws-sigv4 (~> 1.5)
    aws-sdk-comprehendmedical (1.57.0)
      aws-sdk-core (~> 3, >= 3.201.0)
      aws-sigv4 (~> 1.5)
    aws-sdk-computeoptimizer (1.62.0)
      aws-sdk-core (~> 3, >= 3.201.0)
      aws-sigv4 (~> 1.5)
    aws-sdk-configservice (1.114.0)
      aws-sdk-core (~> 3, >= 3.201.0)
      aws-sigv4 (~> 1.5)
    aws-sdk-connect (1.171.0)
      aws-sdk-core (~> 3, >= 3.201.0)
      aws-sigv4 (~> 1.5)
    aws-sdk-connectcampaignservice (1.21.0)
      aws-sdk-core (~> 3, >= 3.201.0)
      aws-sigv4 (~> 1.1)
    aws-sdk-connectcases (1.28.0)
      aws-sdk-core (~> 3, >= 3.201.0)
      aws-sigv4 (~> 1.1)
    aws-sdk-connectcontactlens (1.31.0)
      aws-sdk-core (~> 3, >= 3.201.0)
      aws-sigv4 (~> 1.5)
    aws-sdk-connectparticipant (1.49.0)
      aws-sdk-core (~> 3, >= 3.201.0)
      aws-sigv4 (~> 1.5)
    aws-sdk-connectwisdomservice (1.34.0)
      aws-sdk-core (~> 3, >= 3.201.0)
      aws-sigv4 (~> 1.1)
    aws-sdk-controlcatalog (1.7.0)
      aws-sdk-core (~> 3, >= 3.201.0)
      aws-sigv4 (~> 1.5)
    aws-sdk-controltower (1.27.0)
      aws-sdk-core (~> 3, >= 3.201.0)
      aws-sigv4 (~> 1.5)
    aws-sdk-core (3.201.4)
      aws-eventstream (~> 1, >= 1.3.0)
      aws-partitions (~> 1, >= 1.651.0)
      aws-sigv4 (~> 1.8)
      jmespath (~> 1, >= 1.6.1)
    aws-sdk-costandusagereportservice (1.61.0)
      aws-sdk-core (~> 3, >= 3.201.0)
      aws-sigv4 (~> 1.5)
    aws-sdk-costexplorer (1.105.0)
      aws-sdk-core (~> 3, >= 3.201.0)
      aws-sigv4 (~> 1.5)
    aws-sdk-costoptimizationhub (1.11.0)
      aws-sdk-core (~> 3, >= 3.201.0)
      aws-sigv4 (~> 1.5)
    aws-sdk-customerprofiles (1.47.0)
      aws-sdk-core (~> 3, >= 3.201.0)
      aws-sigv4 (~> 1.5)
    aws-sdk-databasemigrationservice (1.100.0)
      aws-sdk-core (~> 3, >= 3.201.0)
      aws-sigv4 (~> 1.5)
    aws-sdk-dataexchange (1.52.0)
      aws-sdk-core (~> 3, >= 3.201.0)
      aws-sigv4 (~> 1.1)
    aws-sdk-datapipeline (1.55.0)
      aws-sdk-core (~> 3, >= 3.201.0)
      aws-sigv4 (~> 1.5)
    aws-sdk-datasync (1.83.0)
      aws-sdk-core (~> 3, >= 3.201.0)
      aws-sigv4 (~> 1.5)
    aws-sdk-datazone (1.18.0)
      aws-sdk-core (~> 3, >= 3.201.0)
      aws-sigv4 (~> 1.1)
    aws-sdk-dax (1.58.0)
      aws-sdk-core (~> 3, >= 3.201.0)
      aws-sigv4 (~> 1.5)
    aws-sdk-deadline (1.7.0)
      aws-sdk-core (~> 3, >= 3.201.0)
      aws-sigv4 (~> 1.1)
    aws-sdk-detective (1.53.0)
      aws-sdk-core (~> 3, >= 3.201.0)
      aws-sigv4 (~> 1.5)
    aws-sdk-devicefarm (1.72.0)
      aws-sdk-core (~> 3, >= 3.201.0)
      aws-sigv4 (~> 1.5)
    aws-sdk-devopsguru (1.47.0)
      aws-sdk-core (~> 3, >= 3.201.0)
      aws-sigv4 (~> 1.5)
    aws-sdk-directconnect (1.77.0)
      aws-sdk-core (~> 3, >= 3.201.0)
      aws-sigv4 (~> 1.5)
    aws-sdk-directoryservice (1.70.0)
      aws-sdk-core (~> 3, >= 3.201.0)
      aws-sigv4 (~> 1.5)
    aws-sdk-dlm (1.75.0)
      aws-sdk-core (~> 3, >= 3.201.0)
      aws-sigv4 (~> 1.5)
    aws-sdk-docdb (1.70.0)
      aws-sdk-core (~> 3, >= 3.201.0)
      aws-sigv4 (~> 1.5)
    aws-sdk-docdbelastic (1.18.0)
      aws-sdk-core (~> 3, >= 3.201.0)
      aws-sigv4 (~> 1.1)
    aws-sdk-drs (1.36.0)
      aws-sdk-core (~> 3, >= 3.201.0)
      aws-sigv4 (~> 1.1)
    aws-sdk-dynamodb (1.118.0)
      aws-sdk-core (~> 3, >= 3.201.0)
      aws-sigv4 (~> 1.5)
    aws-sdk-dynamodbstreams (1.62.0)
      aws-sdk-core (~> 3, >= 3.201.0)
      aws-sigv4 (~> 1.5)
    aws-sdk-ebs (1.46.0)
      aws-sdk-core (~> 3, >= 3.201.0)
      aws-sigv4 (~> 1.5)
    aws-sdk-ec2 (1.469.0)
      aws-sdk-core (~> 3, >= 3.201.0)
      aws-sigv4 (~> 1.5)
    aws-sdk-ec2instanceconnect (1.45.0)
      aws-sdk-core (~> 3, >= 3.201.0)
      aws-sigv4 (~> 1.5)
    aws-sdk-ecr (1.80.0)
      aws-sdk-core (~> 3, >= 3.201.0)
      aws-sigv4 (~> 1.5)
    aws-sdk-ecrpublic (1.33.0)
      aws-sdk-core (~> 3, >= 3.201.0)
      aws-sigv4 (~> 1.5)
    aws-sdk-ecs (1.152.0)
      aws-sdk-core (~> 3, >= 3.201.0)
      aws-sigv4 (~> 1.5)
    aws-sdk-efs (1.79.0)
      aws-sdk-core (~> 3, >= 3.201.0)
      aws-sigv4 (~> 1.5)
    aws-sdk-eks (1.112.0)
      aws-sdk-core (~> 3, >= 3.201.0)
      aws-sigv4 (~> 1.5)
    aws-sdk-eksauth (1.8.0)
      aws-sdk-core (~> 3, >= 3.201.0)
      aws-sigv4 (~> 1.1)
    aws-sdk-elasticache (1.109.0)
      aws-sdk-core (~> 3, >= 3.201.0)
      aws-sigv4 (~> 1.5)
    aws-sdk-elasticbeanstalk (1.73.0)
      aws-sdk-core (~> 3, >= 3.201.0)
      aws-sigv4 (~> 1.5)
    aws-sdk-elasticinference (1.41.0)
      aws-sdk-core (~> 3, >= 3.201.0)
      aws-sigv4 (~> 1.5)
    aws-sdk-elasticloadbalancing (1.61.0)
      aws-sdk-core (~> 3, >= 3.201.0)
      aws-sigv4 (~> 1.5)
    aws-sdk-elasticloadbalancingv2 (1.109.0)
      aws-sdk-core (~> 3, >= 3.201.0)
      aws-sigv4 (~> 1.5)
    aws-sdk-elasticsearchservice (1.89.0)
      aws-sdk-core (~> 3, >= 3.201.0)
      aws-sigv4 (~> 1.5)
    aws-sdk-elastictranscoder (1.57.0)
      aws-sdk-core (~> 3, >= 3.201.0)
      aws-sigv4 (~> 1.5)
    aws-sdk-emr (1.92.0)
      aws-sdk-core (~> 3, >= 3.201.0)
      aws-sigv4 (~> 1.5)
    aws-sdk-emrcontainers (1.41.0)
      aws-sdk-core (~> 3, >= 3.201.0)
      aws-sigv4 (~> 1.5)
    aws-sdk-emrserverless (1.30.0)
      aws-sdk-core (~> 3, >= 3.201.0)
      aws-sigv4 (~> 1.1)
    aws-sdk-entityresolution (1.15.0)
      aws-sdk-core (~> 3, >= 3.201.0)
      aws-sigv4 (~> 1.5)
    aws-sdk-eventbridge (1.65.0)
      aws-sdk-core (~> 3, >= 3.201.0)
      aws-sigv4 (~> 1.5)
    aws-sdk-finspace (1.38.0)
      aws-sdk-core (~> 3, >= 3.201.0)
      aws-sigv4 (~> 1.5)
    aws-sdk-finspacedata (1.38.0)
      aws-sdk-core (~> 3, >= 3.201.0)
      aws-sigv4 (~> 1.5)
    aws-sdk-firehose (1.76.0)
      aws-sdk-core (~> 3, >= 3.201.0)
      aws-sigv4 (~> 1.5)
    aws-sdk-fis (1.35.0)
      aws-sdk-core (~> 3, >= 3.201.0)
      aws-sigv4 (~> 1.5)
    aws-sdk-fms (1.76.0)
      aws-sdk-core (~> 3, >= 3.201.0)
      aws-sigv4 (~> 1.5)
    aws-sdk-forecastqueryservice (1.41.0)
      aws-sdk-core (~> 3, >= 3.201.0)
      aws-sigv4 (~> 1.5)
    aws-sdk-forecastservice (1.58.0)
      aws-sdk-core (~> 3, >= 3.201.0)
      aws-sigv4 (~> 1.5)
    aws-sdk-frauddetector (1.57.0)
      aws-sdk-core (~> 3, >= 3.201.0)
      aws-sigv4 (~> 1.5)
    aws-sdk-freetier (1.8.0)
      aws-sdk-core (~> 3, >= 3.201.0)
      aws-sigv4 (~> 1.1)
    aws-sdk-fsx (1.94.0)
      aws-sdk-core (~> 3, >= 3.201.0)
      aws-sigv4 (~> 1.5)
    aws-sdk-gamelift (1.85.0)
      aws-sdk-core (~> 3, >= 3.201.0)
      aws-sigv4 (~> 1.5)
    aws-sdk-glacier (1.66.0)
      aws-sdk-core (~> 3, >= 3.201.0)
      aws-sigv4 (~> 1.5)
    aws-sdk-globalaccelerator (1.64.0)
      aws-sdk-core (~> 3, >= 3.201.0)
      aws-sigv4 (~> 1.5)
    aws-sdk-glue (1.189.0)
      aws-sdk-core (~> 3, >= 3.201.0)
      aws-sigv4 (~> 1.5)
    aws-sdk-gluedatabrew (1.42.0)
      aws-sdk-core (~> 3, >= 3.201.0)
      aws-sigv4 (~> 1.5)
    aws-sdk-greengrass (1.69.0)
      aws-sdk-core (~> 3, >= 3.201.0)
      aws-sigv4 (~> 1.1)
    aws-sdk-greengrassv2 (1.43.0)
      aws-sdk-core (~> 3, >= 3.201.0)
      aws-sigv4 (~> 1.5)
    aws-sdk-groundstation (1.53.0)
      aws-sdk-core (~> 3, >= 3.201.0)
      aws-sigv4 (~> 1.5)
    aws-sdk-guardduty (1.96.0)
      aws-sdk-core (~> 3, >= 3.201.0)
      aws-sigv4 (~> 1.5)
    aws-sdk-health (1.67.0)
      aws-sdk-core (~> 3, >= 3.201.0)
      aws-sigv4 (~> 1.5)
    aws-sdk-healthlake (1.33.0)
      aws-sdk-core (~> 3, >= 3.201.0)
      aws-sigv4 (~> 1.5)
    aws-sdk-iam (1.104.0)
      aws-sdk-core (~> 3, >= 3.201.0)
      aws-sigv4 (~> 1.5)
    aws-sdk-identitystore (1.40.0)
      aws-sdk-core (~> 3, >= 3.201.0)
      aws-sigv4 (~> 1.1)
    aws-sdk-imagebuilder (1.65.0)
      aws-sdk-core (~> 3, >= 3.201.0)
      aws-sigv4 (~> 1.5)
    aws-sdk-importexport (1.49.0)
      aws-sdk-core (~> 3, >= 3.201.0)
      aws-sigv2 (~> 1.0)
    aws-sdk-inspector (1.62.0)
      aws-sdk-core (~> 3, >= 3.201.0)
      aws-sigv4 (~> 1.5)
    aws-sdk-inspector2 (1.34.0)
      aws-sdk-core (~> 3, >= 3.201.0)
      aws-sigv4 (~> 1.1)
    aws-sdk-inspectorscan (1.9.0)
      aws-sdk-core (~> 3, >= 3.201.0)
      aws-sigv4 (~> 1.1)
    aws-sdk-internetmonitor (1.23.0)
      aws-sdk-core (~> 3, >= 3.201.0)
      aws-sigv4 (~> 1.1)
    aws-sdk-iot (1.128.0)
      aws-sdk-core (~> 3, >= 3.201.0)
      aws-sigv4 (~> 1.5)
    aws-sdk-iot1clickdevicesservice (1.55.0)
      aws-sdk-core (~> 3, >= 3.201.0)
      aws-sigv4 (~> 1.1)
    aws-sdk-iot1clickprojects (1.56.0)
      aws-sdk-core (~> 3, >= 3.201.0)
      aws-sigv4 (~> 1.5)
    aws-sdk-iotanalytics (1.68.0)
      aws-sdk-core (~> 3, >= 3.201.0)
      aws-sigv4 (~> 1.5)
    aws-sdk-iotdataplane (1.61.0)
      aws-sdk-core (~> 3, >= 3.201.0)
      aws-sigv4 (~> 1.5)
    aws-sdk-iotdeviceadvisor (1.36.0)
      aws-sdk-core (~> 3, >= 3.201.0)
      aws-sigv4 (~> 1.5)
    aws-sdk-iotevents (1.53.0)
      aws-sdk-core (~> 3, >= 3.201.0)
      aws-sigv4 (~> 1.5)
    aws-sdk-ioteventsdata (1.46.0)
      aws-sdk-core (~> 3, >= 3.201.0)
      aws-sigv4 (~> 1.5)
    aws-sdk-iotfleethub (1.31.0)
      aws-sdk-core (~> 3, >= 3.201.0)
      aws-sigv4 (~> 1.5)
    aws-sdk-iotfleetwise (1.28.0)
      aws-sdk-core (~> 3, >= 3.201.0)
      aws-sigv4 (~> 1.1)
    aws-sdk-iotjobsdataplane (1.55.0)
      aws-sdk-core (~> 3, >= 3.201.0)
      aws-sigv4 (~> 1.5)
    aws-sdk-iotsecuretunneling (1.40.0)
      aws-sdk-core (~> 3, >= 3.201.0)
      aws-sigv4 (~> 1.5)
    aws-sdk-iotsitewise (1.68.0)
      aws-sdk-core (~> 3, >= 3.201.0)
      aws-sigv4 (~> 1.5)
    aws-sdk-iotthingsgraph (1.43.0)
      aws-sdk-core (~> 3, >= 3.201.0)
      aws-sigv4 (~> 1.5)
    aws-sdk-iottwinmaker (1.28.0)
      aws-sdk-core (~> 3, >= 3.201.0)
      aws-sigv4 (~> 1.1)
    aws-sdk-iotwireless (1.53.0)
      aws-sdk-core (~> 3, >= 3.201.0)
      aws-sigv4 (~> 1.5)
    aws-sdk-ivs (1.54.0)
      aws-sdk-core (~> 3, >= 3.201.0)
      aws-sigv4 (~> 1.5)
    aws-sdk-ivschat (1.29.0)
      aws-sdk-core (~> 3, >= 3.201.0)
      aws-sigv4 (~> 1.5)
    aws-sdk-ivsrealtime (1.25.0)
      aws-sdk-core (~> 3, >= 3.201.0)
      aws-sigv4 (~> 1.1)
    aws-sdk-kafka (1.77.0)
      aws-sdk-core (~> 3, >= 3.201.0)
      aws-sigv4 (~> 1.1)
    aws-sdk-kafkaconnect (1.26.0)
      aws-sdk-core (~> 3, >= 3.201.0)
      aws-sigv4 (~> 1.1)
    aws-sdk-kendra (1.85.0)
      aws-sdk-core (~> 3, >= 3.201.0)
      aws-sigv4 (~> 1.5)
    aws-sdk-kendraranking (1.18.0)
      aws-sdk-core (~> 3, >= 3.201.0)
      aws-sigv4 (~> 1.5)
    aws-sdk-keyspaces (1.24.0)
      aws-sdk-core (~> 3, >= 3.201.0)
      aws-sigv4 (~> 1.1)
    aws-sdk-kinesis (1.63.0)
      aws-sdk-core (~> 3, >= 3.201.0)
      aws-sigv4 (~> 1.5)
    aws-sdk-kinesisanalytics (1.59.0)
      aws-sdk-core (~> 3, >= 3.201.0)
      aws-sigv4 (~> 1.5)
    aws-sdk-kinesisanalyticsv2 (1.62.0)
      aws-sdk-core (~> 3, >= 3.201.0)
      aws-sigv4 (~> 1.5)
    aws-sdk-kinesisvideo (1.67.0)
      aws-sdk-core (~> 3, >= 3.201.0)
      aws-sigv4 (~> 1.5)
    aws-sdk-kinesisvideoarchivedmedia (1.64.0)
      aws-sdk-core (~> 3, >= 3.201.0)
      aws-sigv4 (~> 1.5)
    aws-sdk-kinesisvideomedia (1.56.0)
      aws-sdk-core (~> 3, >= 3.201.0)
      aws-sigv4 (~> 1.5)
    aws-sdk-kinesisvideosignalingchannels (1.38.0)
      aws-sdk-core (~> 3, >= 3.201.0)
      aws-sigv4 (~> 1.5)
    aws-sdk-kinesisvideowebrtcstorage (1.19.0)
      aws-sdk-core (~> 3, >= 3.201.0)
      aws-sigv4 (~> 1.1)
    aws-sdk-kms (1.88.0)
      aws-sdk-core (~> 3, >= 3.201.0)
      aws-sigv4 (~> 1.5)
    aws-sdk-lakeformation (1.56.0)
      aws-sdk-core (~> 3, >= 3.201.0)
      aws-sigv4 (~> 1.5)
    aws-sdk-lambda (1.125.0)
      aws-sdk-core (~> 3, >= 3.201.0)
      aws-sigv4 (~> 1.5)
    aws-sdk-lambdapreview (1.49.0)
      aws-sdk-core (~> 3, >= 3.201.0)
      aws-sigv4 (~> 1.1)
    aws-sdk-launchwizard (1.10.0)
      aws-sdk-core (~> 3, >= 3.201.0)
      aws-sigv4 (~> 1.1)
    aws-sdk-lex (1.65.0)
      aws-sdk-core (~> 3, >= 3.201.0)
      aws-sigv4 (~> 1.5)
    aws-sdk-lexmodelbuildingservice (1.76.0)
      aws-sdk-core (~> 3, >= 3.201.0)
      aws-sigv4 (~> 1.5)
    aws-sdk-lexmodelsv2 (1.57.0)
      aws-sdk-core (~> 3, >= 3.201.0)
      aws-sigv4 (~> 1.5)
    aws-sdk-lexruntimev2 (1.38.0)
      aws-sdk-core (~> 3, >= 3.201.0)
      aws-sigv4 (~> 1.5)
    aws-sdk-licensemanager (1.60.0)
      aws-sdk-core (~> 3, >= 3.201.0)
      aws-sigv4 (~> 1.1)
    aws-sdk-licensemanagerlinuxsubscriptions (1.18.0)
      aws-sdk-core (~> 3, >= 3.201.0)
      aws-sigv4 (~> 1.5)
    aws-sdk-licensemanagerusersubscriptions (1.19.0)
      aws-sdk-core (~> 3, >= 3.201.0)
      aws-sigv4 (~> 1.1)
    aws-sdk-lightsail (1.96.0)
      aws-sdk-core (~> 3, >= 3.201.0)
      aws-sigv4 (~> 1.5)
    aws-sdk-locationservice (1.55.0)
      aws-sdk-core (~> 3, >= 3.201.0)
      aws-sigv4 (~> 1.1)
    aws-sdk-lookoutequipment (1.36.0)
      aws-sdk-core (~> 3, >= 3.201.0)
      aws-sigv4 (~> 1.5)
    aws-sdk-lookoutforvision (1.36.0)
      aws-sdk-core (~> 3, >= 3.201.0)
      aws-sigv4 (~> 1.5)
    aws-sdk-lookoutmetrics (1.41.0)
      aws-sdk-core (~> 3, >= 3.201.0)
      aws-sigv4 (~> 1.5)
    aws-sdk-machinelearning (1.57.0)
      aws-sdk-core (~> 3, >= 3.201.0)
      aws-sigv4 (~> 1.5)
    aws-sdk-macie2 (1.73.0)
      aws-sdk-core (~> 3, >= 3.201.0)
      aws-sigv4 (~> 1.5)
    aws-sdk-mailmanager (1.5.0)
      aws-sdk-core (~> 3, >= 3.201.0)
      aws-sigv4 (~> 1.1)
    aws-sdk-mainframemodernization (1.22.0)
      aws-sdk-core (~> 3, >= 3.201.0)
      aws-sigv4 (~> 1.1)
    aws-sdk-managedblockchain (1.57.0)
      aws-sdk-core (~> 3, >= 3.201.0)
      aws-sigv4 (~> 1.5)
    aws-sdk-managedblockchainquery (1.16.0)
      aws-sdk-core (~> 3, >= 3.201.0)
      aws-sigv4 (~> 1.1)
    aws-sdk-managedgrafana (1.33.0)
      aws-sdk-core (~> 3, >= 3.201.0)
      aws-sigv4 (~> 1.1)
    aws-sdk-marketplaceagreement (1.7.0)
      aws-sdk-core (~> 3, >= 3.201.0)
      aws-sigv4 (~> 1.1)
    aws-sdk-marketplacecatalog (1.47.0)
      aws-sdk-core (~> 3, >= 3.201.0)
      aws-sigv4 (~> 1.5)
    aws-sdk-marketplacecommerceanalytics (1.61.0)
      aws-sdk-core (~> 3, >= 3.201.0)
      aws-sigv4 (~> 1.5)
    aws-sdk-marketplacedeployment (1.7.0)
      aws-sdk-core (~> 3, >= 3.201.0)
      aws-sigv4 (~> 1.1)
    aws-sdk-marketplaceentitlementservice (1.56.0)
      aws-sdk-core (~> 3, >= 3.201.0)
      aws-sigv4 (~> 1.5)
    aws-sdk-marketplacemetering (1.63.0)
      aws-sdk-core (~> 3, >= 3.201.0)
      aws-sigv4 (~> 1.5)
    aws-sdk-mediaconnect (1.65.0)
      aws-sdk-core (~> 3, >= 3.201.0)
      aws-sigv4 (~> 1.5)
    aws-sdk-mediaconvert (1.134.0)
      aws-sdk-core (~> 3, >= 3.201.0)
      aws-sigv4 (~> 1.5)
    aws-sdk-medialive (1.128.0)
      aws-sdk-core (~> 3, >= 3.201.0)
      aws-sigv4 (~> 1.5)
    aws-sdk-mediapackage (1.76.0)
      aws-sdk-core (~> 3, >= 3.201.0)
      aws-sigv4 (~> 1.1)
    aws-sdk-mediapackagev2 (1.22.0)
      aws-sdk-core (~> 3, >= 3.201.0)
      aws-sigv4 (~> 1.1)
    aws-sdk-mediapackagevod (1.58.0)
      aws-sdk-core (~> 3, >= 3.201.0)
      aws-sigv4 (~> 1.1)
    aws-sdk-mediastore (1.60.0)
      aws-sdk-core (~> 3, >= 3.201.0)
      aws-sigv4 (~> 1.5)
    aws-sdk-mediastoredata (1.57.0)
      aws-sdk-core (~> 3, >= 3.201.0)
      aws-sigv4 (~> 1.5)
    aws-sdk-mediatailor (1.84.0)
      aws-sdk-core (~> 3, >= 3.201.0)
      aws-sigv4 (~> 1.1)
    aws-sdk-medicalimaging (1.15.0)
      aws-sdk-core (~> 3, >= 3.201.0)
      aws-sigv4 (~> 1.5)
    aws-sdk-memorydb (1.31.0)
      aws-sdk-core (~> 3, >= 3.201.0)
      aws-sigv4 (~> 1.5)
    aws-sdk-mgn (1.36.0)
      aws-sdk-core (~> 3, >= 3.201.0)
      aws-sigv4 (~> 1.1)
    aws-sdk-migrationhub (1.59.0)
      aws-sdk-core (~> 3, >= 3.201.0)
      aws-sigv4 (~> 1.5)
    aws-sdk-migrationhubconfig (1.40.0)
      aws-sdk-core (~> 3, >= 3.201.0)
      aws-sigv4 (~> 1.5)
    aws-sdk-migrationhuborchestrator (1.19.0)
      aws-sdk-core (~> 3, >= 3.201.0)
      aws-sigv4 (~> 1.1)
    aws-sdk-migrationhubrefactorspaces (1.28.0)
      aws-sdk-core (~> 3, >= 3.201.0)
      aws-sigv4 (~> 1.1)
    aws-sdk-migrationhubstrategyrecommendations (1.26.0)
      aws-sdk-core (~> 3, >= 3.201.0)
      aws-sigv4 (~> 1.1)
    aws-sdk-mq (1.66.0)
      aws-sdk-core (~> 3, >= 3.201.0)
      aws-sigv4 (~> 1.5)
    aws-sdk-mturk (1.59.0)
      aws-sdk-core (~> 3, >= 3.201.0)
      aws-sigv4 (~> 1.5)
    aws-sdk-mwaa (1.42.0)
      aws-sdk-core (~> 3, >= 3.201.0)
      aws-sigv4 (~> 1.1)
    aws-sdk-neptune (1.70.0)
      aws-sdk-core (~> 3, >= 3.201.0)
      aws-sigv4 (~> 1.5)
    aws-sdk-neptunedata (1.14.0)
      aws-sdk-core (~> 3, >= 3.201.0)
      aws-sigv4 (~> 1.1)
    aws-sdk-neptunegraph (1.15.0)
      aws-sdk-core (~> 3, >= 3.201.0)
      aws-sigv4 (~> 1.5)
    aws-sdk-networkfirewall (1.48.0)
      aws-sdk-core (~> 3, >= 3.201.0)
      aws-sigv4 (~> 1.5)
    aws-sdk-networkmanager (1.48.0)
      aws-sdk-core (~> 3, >= 3.201.0)
      aws-sigv4 (~> 1.5)
    aws-sdk-networkmonitor (1.8.0)
      aws-sdk-core (~> 3, >= 3.201.0)
      aws-sigv4 (~> 1.1)
    aws-sdk-nimblestudio (1.34.0)
      aws-sdk-core (~> 3, >= 3.201.0)
      aws-sigv4 (~> 1.1)
    aws-sdk-oam (1.20.0)
      aws-sdk-core (~> 3, >= 3.201.0)
      aws-sigv4 (~> 1.1)
    aws-sdk-omics (1.31.0)
      aws-sdk-core (~> 3, >= 3.201.0)
      aws-sigv4 (~> 1.1)
    aws-sdk-opensearchserverless (1.21.0)
      aws-sdk-core (~> 3, >= 3.201.0)
      aws-sigv4 (~> 1.1)
    aws-sdk-opensearchservice (1.50.0)
      aws-sdk-core (~> 3, >= 3.201.0)
      aws-sigv4 (~> 1.5)
    aws-sdk-opsworks (1.61.0)
      aws-sdk-core (~> 3, >= 3.201.0)
      aws-sigv4 (~> 1.5)
    aws-sdk-opsworkscm (1.71.0)
      aws-sdk-core (~> 3, >= 3.201.0)
      aws-sigv4 (~> 1.5)
    aws-sdk-organizations (1.95.0)
      aws-sdk-core (~> 3, >= 3.201.0)
      aws-sigv4 (~> 1.5)
    aws-sdk-osis (1.20.0)
      aws-sdk-core (~> 3, >= 3.201.0)
      aws-sigv4 (~> 1.5)
    aws-sdk-outposts (1.63.0)
      aws-sdk-core (~> 3, >= 3.201.0)
      aws-sigv4 (~> 1.5)
    aws-sdk-panorama (1.29.0)
      aws-sdk-core (~> 3, >= 3.201.0)
      aws-sigv4 (~> 1.1)
    aws-sdk-paymentcryptography (1.19.0)
      aws-sdk-core (~> 3, >= 3.201.0)
      aws-sigv4 (~> 1.5)
    aws-sdk-paymentcryptographydata (1.18.0)
      aws-sdk-core (~> 3, >= 3.201.0)
      aws-sigv4 (~> 1.5)
    aws-sdk-pcaconnectorad (1.10.0)
      aws-sdk-core (~> 3, >= 3.201.0)
      aws-sigv4 (~> 1.1)
    aws-sdk-pcaconnectorscep (1.3.0)
      aws-sdk-core (~> 3, >= 3.201.0)
      aws-sigv4 (~> 1.1)
    aws-sdk-personalize (1.68.0)
      aws-sdk-core (~> 3, >= 3.201.0)
      aws-sigv4 (~> 1.5)
    aws-sdk-personalizeevents (1.49.0)
      aws-sdk-core (~> 3, >= 3.201.0)
      aws-sigv4 (~> 1.5)
    aws-sdk-personalizeruntime (1.56.0)
      aws-sdk-core (~> 3, >= 3.201.0)
      aws-sigv4 (~> 1.5)
    aws-sdk-pi (1.63.0)
      aws-sdk-core (~> 3, >= 3.201.0)
      aws-sigv4 (~> 1.5)
    aws-sdk-pinpoint (1.95.0)
      aws-sdk-core (~> 3, >= 3.201.0)
      aws-sigv4 (~> 1.5)
    aws-sdk-pinpointemail (1.54.0)
      aws-sdk-core (~> 3, >= 3.201.0)
      aws-sigv4 (~> 1.5)
    aws-sdk-pinpointsmsvoice (1.50.0)
      aws-sdk-core (~> 3, >= 3.201.0)
      aws-sigv4 (~> 1.1)
    aws-sdk-pinpointsmsvoicev2 (1.21.0)
      aws-sdk-core (~> 3, >= 3.201.0)
      aws-sigv4 (~> 1.5)
    aws-sdk-pipes (1.24.0)
      aws-sdk-core (~> 3, >= 3.201.0)
      aws-sigv4 (~> 1.1)
    aws-sdk-polly (1.90.0)
      aws-sdk-core (~> 3, >= 3.201.0)
      aws-sigv4 (~> 1.5)
    aws-sdk-pricing (1.62.0)
      aws-sdk-core (~> 3, >= 3.201.0)
      aws-sigv4 (~> 1.1)
    aws-sdk-privatenetworks (1.20.0)
      aws-sdk-core (~> 3, >= 3.201.0)
      aws-sigv4 (~> 1.1)
    aws-sdk-prometheusservice (1.36.0)
      aws-sdk-core (~> 3, >= 3.201.0)
      aws-sigv4 (~> 1.1)
    aws-sdk-proton (1.41.0)
      aws-sdk-core (~> 3, >= 3.201.0)
      aws-sigv4 (~> 1.1)
    aws-sdk-qapps (1.0.0)
      aws-sdk-core (~> 3, >= 3.201.0)
      aws-sigv4 (~> 1.5)
    aws-sdk-qbusiness (1.11.0)
      aws-sdk-core (~> 3, >= 3.201.0)
      aws-sigv4 (~> 1.5)
    aws-sdk-qconnect (1.14.0)
      aws-sdk-core (~> 3, >= 3.201.0)
      aws-sigv4 (~> 1.1)
    aws-sdk-qldb (1.45.0)
      aws-sdk-core (~> 3, >= 3.201.0)
      aws-sigv4 (~> 1.5)
    aws-sdk-qldbsession (1.41.0)
      aws-sdk-core (~> 3, >= 3.201.0)
      aws-sigv4 (~> 1.5)
    aws-sdk-quicksight (1.119.0)
      aws-sdk-core (~> 3, >= 3.201.0)
      aws-sigv4 (~> 1.5)
    aws-sdk-ram (1.60.0)
      aws-sdk-core (~> 3, >= 3.201.0)
      aws-sigv4 (~> 1.5)
    aws-sdk-rds (1.241.0)
      aws-sdk-core (~> 3, >= 3.201.0)
      aws-sigv4 (~> 1.5)
    aws-sdk-rdsdataservice (1.57.0)
      aws-sdk-core (~> 3, >= 3.201.0)
      aws-sigv4 (~> 1.1)
    aws-sdk-recyclebin (1.26.0)
      aws-sdk-core (~> 3, >= 3.201.0)
      aws-sigv4 (~> 1.5)
    aws-sdk-redshift (1.119.0)
      aws-sdk-core (~> 3, >= 3.201.0)
      aws-sigv4 (~> 1.5)
    aws-sdk-redshiftdataapiservice (1.41.0)
      aws-sdk-core (~> 3, >= 3.201.0)
      aws-sigv4 (~> 1.1)
    aws-sdk-redshiftserverless (1.33.0)
      aws-sdk-core (~> 3, >= 3.201.0)
      aws-sigv4 (~> 1.1)
    aws-sdk-rekognition (1.102.0)
      aws-sdk-core (~> 3, >= 3.201.0)
      aws-sigv4 (~> 1.5)
    aws-sdk-repostspace (1.8.0)
      aws-sdk-core (~> 3, >= 3.201.0)
      aws-sigv4 (~> 1.1)
    aws-sdk-resiliencehub (1.33.0)
      aws-sdk-core (~> 3, >= 3.201.0)
      aws-sigv4 (~> 1.5)
    aws-sdk-resourceexplorer2 (1.22.0)
      aws-sdk-core (~> 3, >= 3.201.0)
      aws-sigv4 (~> 1.1)
    aws-sdk-resourcegroups (1.66.0)
      aws-sdk-core (~> 3, >= 3.201.0)
      aws-sigv4 (~> 1.5)
    aws-sdk-resourcegroupstaggingapi (1.66.0)
      aws-sdk-core (~> 3, >= 3.201.0)
      aws-sigv4 (~> 1.5)
    aws-sdk-resources (3.201.0)
      aws-sdk-accessanalyzer (~> 1)
      aws-sdk-account (~> 1)
      aws-sdk-acm (~> 1)
      aws-sdk-acmpca (~> 1)
      aws-sdk-amplify (~> 1)
      aws-sdk-amplifybackend (~> 1)
      aws-sdk-amplifyuibuilder (~> 1)
      aws-sdk-apigateway (~> 1)
      aws-sdk-apigatewaymanagementapi (~> 1)
      aws-sdk-apigatewayv2 (~> 1)
      aws-sdk-appconfig (~> 1)
      aws-sdk-appconfigdata (~> 1)
      aws-sdk-appfabric (~> 1)
      aws-sdk-appflow (~> 1)
      aws-sdk-appintegrationsservice (~> 1)
      aws-sdk-applicationautoscaling (~> 1)
      aws-sdk-applicationcostprofiler (~> 1)
      aws-sdk-applicationdiscoveryservice (~> 1)
      aws-sdk-applicationinsights (~> 1)
      aws-sdk-applicationsignals (~> 1)
      aws-sdk-appmesh (~> 1)
      aws-sdk-appregistry (~> 1)
      aws-sdk-apprunner (~> 1)
      aws-sdk-appstream (~> 1)
      aws-sdk-appsync (~> 1)
      aws-sdk-apptest (~> 1)
      aws-sdk-arczonalshift (~> 1)
      aws-sdk-artifact (~> 1)
      aws-sdk-athena (~> 1)
      aws-sdk-auditmanager (~> 1)
      aws-sdk-augmentedairuntime (~> 1)
      aws-sdk-autoscaling (~> 1)
      aws-sdk-autoscalingplans (~> 1)
      aws-sdk-b2bi (~> 1)
      aws-sdk-backup (~> 1)
      aws-sdk-backupgateway (~> 1)
      aws-sdk-batch (~> 1)
      aws-sdk-bcmdataexports (~> 1)
      aws-sdk-bedrock (~> 1)
      aws-sdk-bedrockagent (~> 1)
      aws-sdk-bedrockagentruntime (~> 1)
      aws-sdk-bedrockruntime (~> 1)
      aws-sdk-billingconductor (~> 1)
      aws-sdk-braket (~> 1)
      aws-sdk-budgets (~> 1)
      aws-sdk-chatbot (~> 1)
      aws-sdk-chime (~> 1)
      aws-sdk-chimesdkidentity (~> 1)
      aws-sdk-chimesdkmediapipelines (~> 1)
      aws-sdk-chimesdkmeetings (~> 1)
      aws-sdk-chimesdkmessaging (~> 1)
      aws-sdk-chimesdkvoice (~> 1)
      aws-sdk-cleanrooms (~> 1)
      aws-sdk-cleanroomsml (~> 1)
      aws-sdk-cloud9 (~> 1)
      aws-sdk-cloudcontrolapi (~> 1)
      aws-sdk-clouddirectory (~> 1)
      aws-sdk-cloudformation (~> 1)
      aws-sdk-cloudfront (~> 1)
      aws-sdk-cloudfrontkeyvaluestore (~> 1)
      aws-sdk-cloudhsm (~> 1)
      aws-sdk-cloudhsmv2 (~> 1)
      aws-sdk-cloudsearch (~> 1)
      aws-sdk-cloudsearchdomain (~> 1)
      aws-sdk-cloudtrail (~> 1)
      aws-sdk-cloudtraildata (~> 1)
      aws-sdk-cloudwatch (~> 1)
      aws-sdk-cloudwatchevents (~> 1)
      aws-sdk-cloudwatchevidently (~> 1)
      aws-sdk-cloudwatchlogs (~> 1)
      aws-sdk-cloudwatchrum (~> 1)
      aws-sdk-codeartifact (~> 1)
      aws-sdk-codebuild (~> 1)
      aws-sdk-codecatalyst (~> 1)
      aws-sdk-codecommit (~> 1)
      aws-sdk-codeconnections (~> 1)
      aws-sdk-codedeploy (~> 1)
      aws-sdk-codeguruprofiler (~> 1)
      aws-sdk-codegurureviewer (~> 1)
      aws-sdk-codegurusecurity (~> 1)
      aws-sdk-codepipeline (~> 1)
      aws-sdk-codestarconnections (~> 1)
      aws-sdk-codestarnotifications (~> 1)
      aws-sdk-cognitoidentity (~> 1)
      aws-sdk-cognitoidentityprovider (~> 1)
      aws-sdk-cognitosync (~> 1)
      aws-sdk-comprehend (~> 1)
      aws-sdk-comprehendmedical (~> 1)
      aws-sdk-computeoptimizer (~> 1)
      aws-sdk-configservice (~> 1)
      aws-sdk-connect (~> 1)
      aws-sdk-connectcampaignservice (~> 1)
      aws-sdk-connectcases (~> 1)
      aws-sdk-connectcontactlens (~> 1)
      aws-sdk-connectparticipant (~> 1)
      aws-sdk-connectwisdomservice (~> 1)
      aws-sdk-controlcatalog (~> 1)
      aws-sdk-controltower (~> 1)
      aws-sdk-costandusagereportservice (~> 1)
      aws-sdk-costexplorer (~> 1)
      aws-sdk-costoptimizationhub (~> 1)
      aws-sdk-customerprofiles (~> 1)
      aws-sdk-databasemigrationservice (~> 1)
      aws-sdk-dataexchange (~> 1)
      aws-sdk-datapipeline (~> 1)
      aws-sdk-datasync (~> 1)
      aws-sdk-datazone (~> 1)
      aws-sdk-dax (~> 1)
      aws-sdk-deadline (~> 1)
      aws-sdk-detective (~> 1)
      aws-sdk-devicefarm (~> 1)
      aws-sdk-devopsguru (~> 1)
      aws-sdk-directconnect (~> 1)
      aws-sdk-directoryservice (~> 1)
      aws-sdk-dlm (~> 1)
      aws-sdk-docdb (~> 1)
      aws-sdk-docdbelastic (~> 1)
      aws-sdk-drs (~> 1)
      aws-sdk-dynamodb (~> 1)
      aws-sdk-dynamodbstreams (~> 1)
      aws-sdk-ebs (~> 1)
      aws-sdk-ec2 (~> 1)
      aws-sdk-ec2instanceconnect (~> 1)
      aws-sdk-ecr (~> 1)
      aws-sdk-ecrpublic (~> 1)
      aws-sdk-ecs (~> 1)
      aws-sdk-efs (~> 1)
      aws-sdk-eks (~> 1)
      aws-sdk-eksauth (~> 1)
      aws-sdk-elasticache (~> 1)
      aws-sdk-elasticbeanstalk (~> 1)
      aws-sdk-elasticinference (~> 1)
      aws-sdk-elasticloadbalancing (~> 1)
      aws-sdk-elasticloadbalancingv2 (~> 1)
      aws-sdk-elasticsearchservice (~> 1)
      aws-sdk-elastictranscoder (~> 1)
      aws-sdk-emr (~> 1)
      aws-sdk-emrcontainers (~> 1)
      aws-sdk-emrserverless (~> 1)
      aws-sdk-entityresolution (~> 1)
      aws-sdk-eventbridge (~> 1)
      aws-sdk-finspace (~> 1)
      aws-sdk-finspacedata (~> 1)
      aws-sdk-firehose (~> 1)
      aws-sdk-fis (~> 1)
      aws-sdk-fms (~> 1)
      aws-sdk-forecastqueryservice (~> 1)
      aws-sdk-forecastservice (~> 1)
      aws-sdk-frauddetector (~> 1)
      aws-sdk-freetier (~> 1)
      aws-sdk-fsx (~> 1)
      aws-sdk-gamelift (~> 1)
      aws-sdk-glacier (~> 1)
      aws-sdk-globalaccelerator (~> 1)
      aws-sdk-glue (~> 1)
      aws-sdk-gluedatabrew (~> 1)
      aws-sdk-greengrass (~> 1)
      aws-sdk-greengrassv2 (~> 1)
      aws-sdk-groundstation (~> 1)
      aws-sdk-guardduty (~> 1)
      aws-sdk-health (~> 1)
      aws-sdk-healthlake (~> 1)
      aws-sdk-iam (~> 1)
      aws-sdk-identitystore (~> 1)
      aws-sdk-imagebuilder (~> 1)
      aws-sdk-importexport (~> 1)
      aws-sdk-inspector (~> 1)
      aws-sdk-inspector2 (~> 1)
      aws-sdk-inspectorscan (~> 1)
      aws-sdk-internetmonitor (~> 1)
      aws-sdk-iot (~> 1)
      aws-sdk-iot1clickdevicesservice (~> 1)
      aws-sdk-iot1clickprojects (~> 1)
      aws-sdk-iotanalytics (~> 1)
      aws-sdk-iotdataplane (~> 1)
      aws-sdk-iotdeviceadvisor (~> 1)
      aws-sdk-iotevents (~> 1)
      aws-sdk-ioteventsdata (~> 1)
      aws-sdk-iotfleethub (~> 1)
      aws-sdk-iotfleetwise (~> 1)
      aws-sdk-iotjobsdataplane (~> 1)
      aws-sdk-iotsecuretunneling (~> 1)
      aws-sdk-iotsitewise (~> 1)
      aws-sdk-iotthingsgraph (~> 1)
      aws-sdk-iottwinmaker (~> 1)
      aws-sdk-iotwireless (~> 1)
      aws-sdk-ivs (~> 1)
      aws-sdk-ivschat (~> 1)
      aws-sdk-ivsrealtime (~> 1)
      aws-sdk-kafka (~> 1)
      aws-sdk-kafkaconnect (~> 1)
      aws-sdk-kendra (~> 1)
      aws-sdk-kendraranking (~> 1)
      aws-sdk-keyspaces (~> 1)
      aws-sdk-kinesis (~> 1)
      aws-sdk-kinesisanalytics (~> 1)
      aws-sdk-kinesisanalyticsv2 (~> 1)
      aws-sdk-kinesisvideo (~> 1)
      aws-sdk-kinesisvideoarchivedmedia (~> 1)
      aws-sdk-kinesisvideomedia (~> 1)
      aws-sdk-kinesisvideosignalingchannels (~> 1)
      aws-sdk-kinesisvideowebrtcstorage (~> 1)
      aws-sdk-kms (~> 1)
      aws-sdk-lakeformation (~> 1)
      aws-sdk-lambda (~> 1)
      aws-sdk-lambdapreview (~> 1)
      aws-sdk-launchwizard (~> 1)
      aws-sdk-lex (~> 1)
      aws-sdk-lexmodelbuildingservice (~> 1)
      aws-sdk-lexmodelsv2 (~> 1)
      aws-sdk-lexruntimev2 (~> 1)
      aws-sdk-licensemanager (~> 1)
      aws-sdk-licensemanagerlinuxsubscriptions (~> 1)
      aws-sdk-licensemanagerusersubscriptions (~> 1)
      aws-sdk-lightsail (~> 1)
      aws-sdk-locationservice (~> 1)
      aws-sdk-lookoutequipment (~> 1)
      aws-sdk-lookoutforvision (~> 1)
      aws-sdk-lookoutmetrics (~> 1)
      aws-sdk-machinelearning (~> 1)
      aws-sdk-macie2 (~> 1)
      aws-sdk-mailmanager (~> 1)
      aws-sdk-mainframemodernization (~> 1)
      aws-sdk-managedblockchain (~> 1)
      aws-sdk-managedblockchainquery (~> 1)
      aws-sdk-managedgrafana (~> 1)
      aws-sdk-marketplaceagreement (~> 1)
      aws-sdk-marketplacecatalog (~> 1)
      aws-sdk-marketplacecommerceanalytics (~> 1)
      aws-sdk-marketplacedeployment (~> 1)
      aws-sdk-marketplaceentitlementservice (~> 1)
      aws-sdk-marketplacemetering (~> 1)
      aws-sdk-mediaconnect (~> 1)
      aws-sdk-mediaconvert (~> 1)
      aws-sdk-medialive (~> 1)
      aws-sdk-mediapackage (~> 1)
      aws-sdk-mediapackagev2 (~> 1)
      aws-sdk-mediapackagevod (~> 1)
      aws-sdk-mediastore (~> 1)
      aws-sdk-mediastoredata (~> 1)
      aws-sdk-mediatailor (~> 1)
      aws-sdk-medicalimaging (~> 1)
      aws-sdk-memorydb (~> 1)
      aws-sdk-mgn (~> 1)
      aws-sdk-migrationhub (~> 1)
      aws-sdk-migrationhubconfig (~> 1)
      aws-sdk-migrationhuborchestrator (~> 1)
      aws-sdk-migrationhubrefactorspaces (~> 1)
      aws-sdk-migrationhubstrategyrecommendations (~> 1)
      aws-sdk-mq (~> 1)
      aws-sdk-mturk (~> 1)
      aws-sdk-mwaa (~> 1)
      aws-sdk-neptune (~> 1)
      aws-sdk-neptunedata (~> 1)
      aws-sdk-neptunegraph (~> 1)
      aws-sdk-networkfirewall (~> 1)
      aws-sdk-networkmanager (~> 1)
      aws-sdk-networkmonitor (~> 1)
      aws-sdk-nimblestudio (~> 1)
      aws-sdk-oam (~> 1)
      aws-sdk-omics (~> 1)
      aws-sdk-opensearchserverless (~> 1)
      aws-sdk-opensearchservice (~> 1)
      aws-sdk-opsworks (~> 1)
      aws-sdk-opsworkscm (~> 1)
      aws-sdk-organizations (~> 1)
      aws-sdk-osis (~> 1)
      aws-sdk-outposts (~> 1)
      aws-sdk-panorama (~> 1)
      aws-sdk-paymentcryptography (~> 1)
      aws-sdk-paymentcryptographydata (~> 1)
      aws-sdk-pcaconnectorad (~> 1)
      aws-sdk-pcaconnectorscep (~> 1)
      aws-sdk-personalize (~> 1)
      aws-sdk-personalizeevents (~> 1)
      aws-sdk-personalizeruntime (~> 1)
      aws-sdk-pi (~> 1)
      aws-sdk-pinpoint (~> 1)
      aws-sdk-pinpointemail (~> 1)
      aws-sdk-pinpointsmsvoice (~> 1)
      aws-sdk-pinpointsmsvoicev2 (~> 1)
      aws-sdk-pipes (~> 1)
      aws-sdk-polly (~> 1)
      aws-sdk-pricing (~> 1)
      aws-sdk-privatenetworks (~> 1)
      aws-sdk-prometheusservice (~> 1)
      aws-sdk-proton (~> 1)
      aws-sdk-qapps (~> 1)
      aws-sdk-qbusiness (~> 1)
      aws-sdk-qconnect (~> 1)
      aws-sdk-qldb (~> 1)
      aws-sdk-qldbsession (~> 1)
      aws-sdk-quicksight (~> 1)
      aws-sdk-ram (~> 1)
      aws-sdk-rds (~> 1)
      aws-sdk-rdsdataservice (~> 1)
      aws-sdk-recyclebin (~> 1)
      aws-sdk-redshift (~> 1)
      aws-sdk-redshiftdataapiservice (~> 1)
      aws-sdk-redshiftserverless (~> 1)
      aws-sdk-rekognition (~> 1)
      aws-sdk-repostspace (~> 1)
      aws-sdk-resiliencehub (~> 1)
      aws-sdk-resourceexplorer2 (~> 1)
      aws-sdk-resourcegroups (~> 1)
      aws-sdk-resourcegroupstaggingapi (~> 1)
      aws-sdk-robomaker (~> 1)
      aws-sdk-rolesanywhere (~> 1)
      aws-sdk-route53 (~> 1)
      aws-sdk-route53domains (~> 1)
      aws-sdk-route53profiles (~> 1)
      aws-sdk-route53recoverycluster (~> 1)
      aws-sdk-route53recoverycontrolconfig (~> 1)
      aws-sdk-route53recoveryreadiness (~> 1)
      aws-sdk-route53resolver (~> 1)
      aws-sdk-s3 (~> 1)
      aws-sdk-s3control (~> 1)
      aws-sdk-s3outposts (~> 1)
      aws-sdk-sagemaker (~> 1)
      aws-sdk-sagemakeredgemanager (~> 1)
      aws-sdk-sagemakerfeaturestoreruntime (~> 1)
      aws-sdk-sagemakergeospatial (~> 1)
      aws-sdk-sagemakermetrics (~> 1)
      aws-sdk-sagemakerruntime (~> 1)
      aws-sdk-savingsplans (~> 1)
      aws-sdk-scheduler (~> 1)
      aws-sdk-schemas (~> 1)
      aws-sdk-secretsmanager (~> 1)
      aws-sdk-securityhub (~> 1)
      aws-sdk-securitylake (~> 1)
      aws-sdk-serverlessapplicationrepository (~> 1)
      aws-sdk-servicecatalog (~> 1)
      aws-sdk-servicediscovery (~> 1)
      aws-sdk-servicequotas (~> 1)
      aws-sdk-ses (~> 1)
      aws-sdk-sesv2 (~> 1)
      aws-sdk-shield (~> 1)
      aws-sdk-signer (~> 1)
      aws-sdk-simpledb (~> 1)
      aws-sdk-simspaceweaver (~> 1)
      aws-sdk-sms (~> 1)
      aws-sdk-snowball (~> 1)
      aws-sdk-snowdevicemanagement (~> 1)
      aws-sdk-sns (~> 1)
      aws-sdk-sqs (~> 1)
      aws-sdk-ssm (~> 1)
      aws-sdk-ssmcontacts (~> 1)
      aws-sdk-ssmincidents (~> 1)
      aws-sdk-ssmquicksetup (~> 1)
      aws-sdk-ssmsap (~> 1)
      aws-sdk-ssoadmin (~> 1)
      aws-sdk-states (~> 1)
      aws-sdk-storagegateway (~> 1)
      aws-sdk-supplychain (~> 1)
      aws-sdk-support (~> 1)
      aws-sdk-supportapp (~> 1)
      aws-sdk-swf (~> 1)
      aws-sdk-synthetics (~> 1)
      aws-sdk-taxsettings (~> 1)
      aws-sdk-textract (~> 1)
      aws-sdk-timestreaminfluxdb (~> 1)
      aws-sdk-timestreamquery (~> 1)
      aws-sdk-timestreamwrite (~> 1)
      aws-sdk-tnb (~> 1)
      aws-sdk-transcribeservice (~> 1)
      aws-sdk-transcribestreamingservice (~> 1)
      aws-sdk-transfer (~> 1)
      aws-sdk-translate (~> 1)
      aws-sdk-trustedadvisor (~> 1)
      aws-sdk-verifiedpermissions (~> 1)
      aws-sdk-voiceid (~> 1)
      aws-sdk-vpclattice (~> 1)
      aws-sdk-waf (~> 1)
      aws-sdk-wafregional (~> 1)
      aws-sdk-wafv2 (~> 1)
      aws-sdk-wellarchitected (~> 1)
      aws-sdk-workdocs (~> 1)
      aws-sdk-worklink (~> 1)
      aws-sdk-workmail (~> 1)
      aws-sdk-workmailmessageflow (~> 1)
      aws-sdk-workspaces (~> 1)
      aws-sdk-workspacesthinclient (~> 1)
      aws-sdk-workspacesweb (~> 1)
      aws-sdk-xray (~> 1)
    aws-sdk-robomaker (1.70.0)
      aws-sdk-core (~> 3, >= 3.201.0)
      aws-sigv4 (~> 1.5)
    aws-sdk-rolesanywhere (1.23.0)
      aws-sdk-core (~> 3, >= 3.201.0)
      aws-sigv4 (~> 1.5)
    aws-sdk-route53 (1.95.0)
      aws-sdk-core (~> 3, >= 3.201.0)
      aws-sigv4 (~> 1.5)
    aws-sdk-route53domains (1.63.0)
      aws-sdk-core (~> 3, >= 3.201.0)
      aws-sigv4 (~> 1.5)
    aws-sdk-route53profiles (1.7.0)
      aws-sdk-core (~> 3, >= 3.201.0)
      aws-sigv4 (~> 1.1)
    aws-sdk-route53recoverycluster (1.31.0)
      aws-sdk-core (~> 3, >= 3.201.0)
      aws-sigv4 (~> 1.5)
    aws-sdk-route53recoverycontrolconfig (1.30.0)
      aws-sdk-core (~> 3, >= 3.201.0)
      aws-sigv4 (~> 1.1)
    aws-sdk-route53recoveryreadiness (1.28.0)
      aws-sdk-core (~> 3, >= 3.201.0)
      aws-sigv4 (~> 1.1)
    aws-sdk-route53resolver (1.64.0)
      aws-sdk-core (~> 3, >= 3.201.0)
      aws-sigv4 (~> 1.5)
    aws-sdk-s3 (1.157.0)
      aws-sdk-core (~> 3, >= 3.201.0)
      aws-sdk-kms (~> 1)
      aws-sigv4 (~> 1.5)
    aws-sdk-s3control (1.87.0)
      aws-sdk-core (~> 3, >= 3.201.0)
      aws-sigv4 (~> 1.5)
    aws-sdk-s3outposts (1.35.0)
      aws-sdk-core (~> 3, >= 3.201.0)
      aws-sigv4 (~> 1.5)
    aws-sdk-sagemaker (1.256.0)
      aws-sdk-core (~> 3, >= 3.201.0)
      aws-sigv4 (~> 1.5)
    aws-sdk-sagemakeredgemanager (1.31.0)
      aws-sdk-core (~> 3, >= 3.201.0)
      aws-sigv4 (~> 1.5)
    aws-sdk-sagemakerfeaturestoreruntime (1.36.0)
      aws-sdk-core (~> 3, >= 3.201.0)
      aws-sigv4 (~> 1.5)
    aws-sdk-sagemakergeospatial (1.19.0)
      aws-sdk-core (~> 3, >= 3.201.0)
      aws-sigv4 (~> 1.1)
    aws-sdk-sagemakermetrics (1.19.0)
      aws-sdk-core (~> 3, >= 3.201.0)
      aws-sigv4 (~> 1.5)
    aws-sdk-sagemakerruntime (1.68.0)
      aws-sdk-core (~> 3, >= 3.201.0)
      aws-sigv4 (~> 1.5)
    aws-sdk-savingsplans (1.46.0)
      aws-sdk-core (~> 3, >= 3.201.0)
      aws-sigv4 (~> 1.5)
    aws-sdk-scheduler (1.19.0)
      aws-sdk-core (~> 3, >= 3.201.0)
      aws-sigv4 (~> 1.1)
    aws-sdk-schemas (1.41.0)
      aws-sdk-core (~> 3, >= 3.201.0)
      aws-sigv4 (~> 1.1)
    aws-sdk-secretsmanager (1.102.0)
      aws-sdk-core (~> 3, >= 3.201.0)
      aws-sigv4 (~> 1.5)
    aws-sdk-securityhub (1.113.0)
      aws-sdk-core (~> 3, >= 3.201.0)
      aws-sigv4 (~> 1.5)
    aws-sdk-securitylake (1.24.0)
      aws-sdk-core (~> 3, >= 3.201.0)
      aws-sigv4 (~> 1.5)
    aws-sdk-serverlessapplicationrepository (1.62.0)
      aws-sdk-core (~> 3, >= 3.201.0)
      aws-sigv4 (~> 1.1)
    aws-sdk-servicecatalog (1.99.0)
      aws-sdk-core (~> 3, >= 3.201.0)
      aws-sigv4 (~> 1.5)
    aws-sdk-servicediscovery (1.69.0)
      aws-sdk-core (~> 3, >= 3.201.0)
      aws-sigv4 (~> 1.5)
    aws-sdk-servicequotas (1.42.0)
      aws-sdk-core (~> 3, >= 3.201.0)
      aws-sigv4 (~> 1.5)
    aws-sdk-ses (1.68.0)
      aws-sdk-core (~> 3, >= 3.201.0)
      aws-sigv4 (~> 1.5)
    aws-sdk-sesv2 (1.55.0)
      aws-sdk-core (~> 3, >= 3.201.0)
      aws-sigv4 (~> 1.5)
    aws-sdk-shield (1.68.0)
      aws-sdk-core (~> 3, >= 3.201.0)
      aws-sigv4 (~> 1.5)
    aws-sdk-signer (1.59.0)
      aws-sdk-core (~> 3, >= 3.201.0)
      aws-sigv4 (~> 1.5)
    aws-sdk-simpledb (1.51.0)
      aws-sdk-core (~> 3, >= 3.201.0)
      aws-sigv2 (~> 1.0)
    aws-sdk-simspaceweaver (1.20.0)
      aws-sdk-core (~> 3, >= 3.201.0)
      aws-sigv4 (~> 1.1)
    aws-sdk-sms (1.59.0)
      aws-sdk-core (~> 3, >= 3.201.0)
      aws-sigv4 (~> 1.1)
    aws-sdk-snowball (1.73.0)
      aws-sdk-core (~> 3, >= 3.201.0)
      aws-sigv4 (~> 1.5)
    aws-sdk-snowdevicemanagement (1.25.0)
      aws-sdk-core (~> 3, >= 3.201.0)
      aws-sigv4 (~> 1.1)
    aws-sdk-sns (1.82.0)
      aws-sdk-core (~> 3, >= 3.201.0)
      aws-sigv4 (~> 1.5)
    aws-sdk-sqs (1.80.0)
      aws-sdk-core (~> 3, >= 3.201.0)
      aws-sigv4 (~> 1.5)
    aws-sdk-ssm (1.175.0)
      aws-sdk-core (~> 3, >= 3.201.0)
      aws-sigv4 (~> 1.5)
    aws-sdk-ssmcontacts (1.34.0)
      aws-sdk-core (~> 3, >= 3.201.0)
      aws-sigv4 (~> 1.5)
    aws-sdk-ssmincidents (1.39.0)
      aws-sdk-core (~> 3, >= 3.201.0)
      aws-sigv4 (~> 1.1)
    aws-sdk-ssmquicksetup (1.0.0)
      aws-sdk-core (~> 3, >= 3.201.0)
      aws-sigv4 (~> 1.5)
    aws-sdk-ssmsap (1.23.0)
      aws-sdk-core (~> 3, >= 3.201.0)
      aws-sigv4 (~> 1.1)
    aws-sdk-ssoadmin (1.41.0)
      aws-sdk-core (~> 3, >= 3.201.0)
      aws-sigv4 (~> 1.1)
    aws-sdk-states (1.73.0)
      aws-sdk-core (~> 3, >= 3.201.0)
      aws-sigv4 (~> 1.5)
    aws-sdk-storagegateway (1.91.0)
      aws-sdk-core (~> 3, >= 3.201.0)
      aws-sigv4 (~> 1.5)
    aws-sdk-supplychain (1.8.0)
      aws-sdk-core (~> 3, >= 3.201.0)
      aws-sigv4 (~> 1.1)
    aws-sdk-support (1.64.0)
      aws-sdk-core (~> 3, >= 3.201.0)
      aws-sigv4 (~> 1.5)
    aws-sdk-supportapp (1.20.0)
      aws-sdk-core (~> 3, >= 3.201.0)
      aws-sigv4 (~> 1.1)
    aws-sdk-swf (1.59.0)
      aws-sdk-core (~> 3, >= 3.201.0)
      aws-sigv4 (~> 1.5)
    aws-sdk-synthetics (1.47.0)
      aws-sdk-core (~> 3, >= 3.201.0)
      aws-sigv4 (~> 1.5)
    aws-sdk-taxsettings (1.5.0)
      aws-sdk-core (~> 3, >= 3.201.0)
      aws-sigv4 (~> 1.5)
    aws-sdk-textract (1.63.0)
      aws-sdk-core (~> 3, >= 3.201.0)
      aws-sigv4 (~> 1.5)
    aws-sdk-timestreaminfluxdb (1.6.0)
      aws-sdk-core (~> 3, >= 3.201.0)
      aws-sigv4 (~> 1.1)
    aws-sdk-timestreamquery (1.38.0)
      aws-sdk-core (~> 3, >= 3.201.0)
      aws-sigv4 (~> 1.5)
    aws-sdk-timestreamwrite (1.34.0)
      aws-sdk-core (~> 3, >= 3.201.0)
      aws-sigv4 (~> 1.1)
    aws-sdk-tnb (1.18.0)
      aws-sdk-core (~> 3, >= 3.201.0)
      aws-sigv4 (~> 1.5)
    aws-sdk-transcribeservice (1.103.0)
      aws-sdk-core (~> 3, >= 3.201.0)
      aws-sigv4 (~> 1.5)
    aws-sdk-transcribestreamingservice (1.64.0)
      aws-sdk-core (~> 3, >= 3.201.0)
      aws-sigv4 (~> 1.5)
    aws-sdk-transfer (1.98.0)
      aws-sdk-core (~> 3, >= 3.201.0)
      aws-sigv4 (~> 1.1)
    aws-sdk-translate (1.70.0)
      aws-sdk-core (~> 3, >= 3.201.0)
      aws-sigv4 (~> 1.5)
    aws-sdk-trustedadvisor (1.10.0)
      aws-sdk-core (~> 3, >= 3.201.0)
      aws-sigv4 (~> 1.1)
    aws-sdk-verifiedpermissions (1.28.0)
      aws-sdk-core (~> 3, >= 3.201.0)
      aws-sigv4 (~> 1.1)
    aws-sdk-voiceid (1.29.0)
      aws-sdk-core (~> 3, >= 3.201.0)
      aws-sigv4 (~> 1.1)
    aws-sdk-vpclattice (1.17.0)
      aws-sdk-core (~> 3, >= 3.201.0)
      aws-sigv4 (~> 1.1)
    aws-sdk-waf (1.66.0)
      aws-sdk-core (~> 3, >= 3.201.0)
      aws-sigv4 (~> 1.5)
    aws-sdk-wafregional (1.68.0)
      aws-sdk-core (~> 3, >= 3.201.0)
      aws-sigv4 (~> 1.5)
    aws-sdk-wafv2 (1.88.0)
      aws-sdk-core (~> 3, >= 3.201.0)
      aws-sigv4 (~> 1.5)
    aws-sdk-wellarchitected (1.41.0)
      aws-sdk-core (~> 3, >= 3.201.0)
      aws-sigv4 (~> 1.5)
    aws-sdk-workdocs (1.62.0)
      aws-sdk-core (~> 3, >= 3.201.0)
      aws-sigv4 (~> 1.5)
    aws-sdk-worklink (1.52.0)
      aws-sdk-core (~> 3, >= 3.201.0)
      aws-sigv4 (~> 1.5)
    aws-sdk-workmail (1.70.0)
      aws-sdk-core (~> 3, >= 3.201.0)
      aws-sigv4 (~> 1.5)
    aws-sdk-workmailmessageflow (1.40.0)
      aws-sdk-core (~> 3, >= 3.201.0)
      aws-sigv4 (~> 1.5)
    aws-sdk-workspaces (1.112.0)
      aws-sdk-core (~> 3, >= 3.201.0)
      aws-sigv4 (~> 1.5)
    aws-sdk-workspacesthinclient (1.11.0)
      aws-sdk-core (~> 3, >= 3.201.0)
      aws-sigv4 (~> 1.5)
    aws-sdk-workspacesweb (1.26.0)
      aws-sdk-core (~> 3, >= 3.201.0)
      aws-sigv4 (~> 1.1)
    aws-sdk-xray (1.70.0)
      aws-sdk-core (~> 3, >= 3.201.0)
      aws-sigv4 (~> 1.5)
    aws-sigv2 (1.2.0)
    aws-sigv4 (1.9.1)
      aws-eventstream (~> 1, >= 1.0.2)
    axiom-types (0.1.1)
      descendants_tracker (~> 0.0.4)
      ice_nine (~> 0.11.0)
      thread_safe (~> 0.3, >= 0.3.1)
    base64 (0.2.0)
    bcrypt (3.1.20)
    better_errors (2.10.1)
      erubi (>= 1.0.0)
      rack (>= 0.9.0)
      rouge (>= 1.0.0)
    bigdecimal (3.1.8)
    bindex (0.8.1)
    binding_of_caller (1.0.1)
      debug_inspector (>= 1.2.0)
    bitcoin-ruby (0.0.20)
      eventmachine
      ffi
      scrypt
    blockcypher-ruby (0.2.7)
      bitcoin-ruby (~> 0.0.5)
      ffi
    bootsnap (1.18.4)
      msgpack (~> 1.2)
    bootstrap-sass (3.4.1)
      autoprefixer-rails (>= 5.2.1)
      sassc (>= 2.0.0)
    bootstrap-select-rails (1.13.8)
    brakeman (6.1.2)
      racc
    builder (3.3.0)
    bundler-audit (0.9.1)
      bundler (>= 1.2.0, < 3)
      thor (~> 1.0)
    byebug (11.1.3)
    capybara (3.40.0)
      addressable
      matrix
      mini_mime (>= 0.1.3)
      nokogiri (~> 1.11)
      rack (>= 1.6.0)
      rack-test (>= 0.6.3)
      regexp_parser (>= 1.5, < 3.0)
      xpath (~> 3.2)
    capybara-screenshot (1.0.26)
      capybara (>= 1.0, < 4)
      launchy
    case_transform (0.2)
      activesupport
    caxlsx (4.1.0)
      htmlentities (~> 4.3, >= 4.3.4)
      marcel (~> 1.0)
      nokogiri (~> 1.10, >= 1.10.4)
      rubyzip (>= 1.3.0, < 3)
    caxlsx_rails (0.6.4)
      actionpack (>= 3.1)
      caxlsx (>= 3.0)
    childprocess (5.1.0)
      logger (~> 1.5)
    chronic_duration (0.10.6)
      numerizer (~> 0.1.1)
    chunky_png (1.4.0)
    climate_control (1.2.0)
    coderay (1.1.3)
    coercible (1.0.0)
      descendants_tracker (~> 0.0.1)
    coffee-rails (5.0.0)
      coffee-script (>= 2.2.0)
      railties (>= 5.2.0)
    coffee-script (2.4.1)
      coffee-script-source
      execjs
    coffee-script-source (1.12.2)
    concurrent-ruby (1.3.4)
    connection_pool (2.4.1)
    crack (1.0.0)
      bigdecimal
      rexml
    crass (1.0.6)
    dalli (3.2.6)
    dalli-elasticache (1.0.1)
      dalli (>= 2.0.0)
    datadog-ci (0.8.3)
      msgpack
    date (3.3.4)
    ddtrace (1.23.3)
      datadog-ci (~> 0.8.1)
      debase-ruby_core_source (= 3.3.1)
      libdatadog (~> 7.0.0.1.0)
      libddwaf (~> 1.14.0.0.0)
      msgpack
    debase-ruby_core_source (3.3.1)
    debug_inspector (1.2.0)
    descendants_tracker (0.0.4)
      thread_safe (~> 0.3, >= 0.3.1)
    diff-lcs (1.5.1)
    docile (1.4.1)
    dotenv (3.1.2)
    dotenv-rails (3.1.2)
      dotenv (= 3.1.2)
      railties (>= 6.1)
    drb (2.2.1)
    e2mmap (0.1.0)
    ejs (1.1.1)
    elastic-transport (8.3.5)
      faraday (< 3)
      multi_json
    elasticsearch (8.15.0)
      elastic-transport (~> 8.3)
      elasticsearch-api (= 8.15.0)
    elasticsearch-api (8.15.0)
      multi_json
    encryptor (3.0.0)
    erubi (1.13.0)
    et-orbi (1.2.11)
      tzinfo
    eventmachine (1.2.7)
    execjs (2.9.1)
    factory_bot (6.4.6)
      activesupport (>= 5.0.0)
    factory_bot_rails (6.4.3)
      factory_bot (~> 6.4)
      railties (>= 5.0.0)
    faraday (2.10.1)
      faraday-net_http (>= 2.0, < 3.2)
      logger
    faraday-net_http (3.1.1)
      net-http
    ffi (1.17.0-aarch64-linux-gnu)
    ffi (1.17.0-aarch64-linux-musl)
    ffi (1.17.0-arm-linux-gnu)
    ffi (1.17.0-arm-linux-musl)
    ffi (1.17.0-arm64-darwin)
    ffi (1.17.0-x86-linux-gnu)
    ffi (1.17.0-x86-linux-musl)
    ffi (1.17.0-x86_64-darwin)
    ffi (1.17.0-x86_64-linux-gnu)
    ffi (1.17.0-x86_64-linux-musl)
    ffi-compiler (1.3.2)
      ffi (>= 1.15.5)
      rake
    font-awesome-rails (4.7.0.8)
      railties (>= 3.2, < 8.0)
    fugit (1.11.1)
      et-orbi (~> 1, >= 1.2.11)
      raabro (~> 1.4)
    glob (0.4.1)
    globalid (1.2.1)
      activesupport (>= 6.1)
    google-authenticator-rails (3.4.3)
      actionpack
      activerecord
      rails
      rotp (>= 5.0, < 7.0)
      rqrcode
    hashdiff (1.1.1)
    honeybadger (5.15.5)
    htmlentities (4.3.4)
    i18n (1.14.5)
      concurrent-ruby (~> 1.0)
    i18n-js (4.2.3)
      glob (>= 0.4.0)
      i18n
    ice_nine (0.11.2)
    io-console (0.7.2)
    irb (1.14.0)
      rdoc (>= 4.0.0)
      reline (>= 0.4.2)
    iso_country_codes (0.7.8)
    jmespath (1.6.2)
    jquery-rails (4.6.0)
      rails-dom-testing (>= 1, < 3)
      railties (>= 4.2.0)
      thor (>= 0.14, < 2.0)
    jquery-validation-rails (1.19.0)
    json (2.7.2)
    json-schema (4.3.1)
      addressable (>= 2.8)
    jsonapi-renderer (0.2.2)
    kaminari (1.2.2)
      activesupport (>= 4.1.0)
      kaminari-actionview (= 1.2.2)
      kaminari-activerecord (= 1.2.2)
      kaminari-core (= 1.2.2)
    kaminari-actionview (1.2.2)
      actionview
      kaminari-core (= 1.2.2)
    kaminari-activerecord (1.2.2)
      activerecord
      kaminari-core (= 1.2.2)
    kaminari-core (1.2.2)
    kgio (2.11.4)
    kt-paperclip (7.2.2)
      activemodel (>= 4.2.0)
      activesupport (>= 4.2.0)
      marcel (~> 1.0.1)
      mime-types
      terrapin (>= 0.6.0, < 2.0)
    language_server-protocol (3.17.0.3)
    launchy (3.0.1)
      addressable (~> 2.8)
      childprocess (~> 5.0)
    letter_opener (1.10.0)
      launchy (>= 2.2, < 4)
    libdatadog (7.0.0.1.0)
    libdatadog (7.0.0.1.0-aarch64-linux)
    libdatadog (7.0.0.1.0-x86_64-linux)
    libddwaf (1.14.0.0.0)
      ffi (~> 1.0)
    libddwaf (1.14.0.0.0-aarch64-linux)
      ffi (~> 1.0)
    libddwaf (1.14.0.0.0-arm64-darwin)
      ffi (~> 1.0)
    libddwaf (1.14.0.0.0-x86_64-darwin)
      ffi (~> 1.0)
    libddwaf (1.14.0.0.0-x86_64-linux)
      ffi (~> 1.0)
    listen (3.9.0)
      rb-fsevent (~> 0.10, >= 0.10.3)
      rb-inotify (~> 0.9, >= 0.9.10)
    logger (1.6.0)
    lograge (0.14.0)
      actionpack (>= 4)
      activesupport (>= 4)
      railties (>= 4)
      request_store (~> 1.0)
    lograge-sql (2.3.2)
      activerecord (>= 5, < 7.2)
      lograge (~> 0.11)
    loofah (2.22.0)
      crass (~> 1.0.2)
      nokogiri (>= 1.12.0)
    macaddr (1.7.2)
      systemu (~> 2.6.5)
    mail (2.8.1)
      mini_mime (>= 0.1.1)
      net-imap
      net-pop
      net-smtp
    marcel (1.0.4)
    matrix (0.4.2)
    method_source (1.1.0)
    mime-types (3.5.2)
      mime-types-data (~> 3.2015)
    mime-types-data (3.2024.0806)
    mini_mime (1.1.5)
    minitest (5.25.0)
    monetize (1.13.0)
      money (~> 6.12)
    money (6.19.0)
      i18n (>= 0.6.4, <= 2)
    money-rails (1.15.0)
      activesupport (>= 3.0)
      monetize (~> 1.9)
      money (~> 6.13)
      railties (>= 3.0)
    msgpack (1.7.2)
    multi_json (1.15.0)
    murmurhash3 (0.1.7)
    mustache (1.1.1)
    mutex_m (0.2.0)
    net-http (0.4.1)
      uri
    net-imap (0.4.14)
      date
      net-protocol
    net-pop (0.1.2)
      net-protocol
    net-protocol (0.2.2)
      timeout
    net-smtp (0.5.0)
      net-protocol
    net_http_ssl_fix (0.0.10)
    nio4r (2.7.3)
    nokogiri (1.16.7-aarch64-linux)
      racc (~> 1.4)
    nokogiri (1.16.7-arm-linux)
      racc (~> 1.4)
    nokogiri (1.16.7-arm64-darwin)
      racc (~> 1.4)
    nokogiri (1.16.7-x86-linux)
      racc (~> 1.4)
    nokogiri (1.16.7-x86_64-darwin)
      racc (~> 1.4)
    nokogiri (1.16.7-x86_64-linux)
      racc (~> 1.4)
    numerizer (0.1.1)
    oj (3.16.5)
      bigdecimal (>= 3.0)
      ostruct (>= 0.2)
    optimizely-sdk (5.0.1)
      json-schema (>= 2.6)
      murmurhash3 (~> 0.1)
    ostruct (0.6.0)
    ougai (2.0.0)
      oj (~> 3.10)
    paper_trail (15.1.0)
      activerecord (>= 6.1)
      request_store (~> 1.4)
    paper_trail-association_tracking (2.2.1)
      paper_trail (>= 12.0)
    paper_trail-globalid (0.2.0)
      globalid
      paper_trail (>= 3.0.0)
    parallel (1.26.2)
    parallel_tests (4.7.1)
      parallel
    parser (3.3.4.2)
      ast (~> 2.4.1)
      racc
    pg (1.5.7)
    pg_search (2.3.7)
      activerecord (>= 6.1)
      activesupport (>= 6.1)
    postgresql_cursor (0.6.9)
      activerecord (>= 6.0)
    pry (0.14.2)
      coderay (~> 1.1)
      method_source (~> 1.0)
    pry-byebug (3.10.1)
      byebug (~> 11.0)
      pry (>= 0.13, < 0.15)
    pry-rails (0.3.11)
      pry (>= 0.13.0)
    psych (5.1.2)
      stringio
    public_suffix (6.0.1)
    puma (6.4.2)
      nio4r (~> 2.0)
    raabro (1.4.0)
    racc (1.8.1)
    rack (2.2.9)
    rack-attack (6.7.0)
      rack (>= 1.0, < 4)
    rack-cors (2.0.2)
      rack (>= 2.0.0)
    rack-session (1.0.2)
      rack (< 3)
    rack-test (2.1.0)
      rack (>= 1.3)
    rackup (1.0.0)
      rack (< 3)
      webrick
    rails (7.1.3.4)
      actioncable (= 7.1.3.4)
      actionmailbox (= 7.1.3.4)
      actionmailer (= 7.1.3.4)
      actionpack (= 7.1.3.4)
      actiontext (= 7.1.3.4)
      actionview (= 7.1.3.4)
      activejob (= 7.1.3.4)
      activemodel (= 7.1.3.4)
      activerecord (= 7.1.3.4)
      activestorage (= 7.1.3.4)
      activesupport (= 7.1.3.4)
      bundler (>= 1.15.0)
      railties (= 7.1.3.4)
    rails-controller-testing (1.0.5)
      actionpack (>= 5.0.1.rc1)
      actionview (>= 5.0.1.rc1)
      activesupport (>= 5.0.1.rc1)
    rails-dom-testing (2.2.0)
      activesupport (>= 5.0.0)
      minitest
      nokogiri (>= 1.6)
    rails-html-sanitizer (1.6.0)
      loofah (~> 2.21)
      nokogiri (~> 1.14)
    railties (7.1.3.4)
      actionpack (= 7.1.3.4)
      activesupport (= 7.1.3.4)
      irb
      rackup (>= 1.0.0)
      rake (>= 12.2)
      thor (~> 1.0, >= 1.2.2)
      zeitwerk (~> 2.6)
    rainbow (3.1.1)
    raindrops (0.20.1)
    rake (13.2.1)
    rb-fsevent (0.11.2)
    rb-inotify (0.11.1)
      ffi (~> 1.0)
    rb-readline (0.5.5)
    rdoc (6.7.0)
      psych (>= 4.0.0)
    redis (4.8.1)
    redis-namespace (1.11.0)
      redis (>= 4)
    regexp_parser (2.9.2)
    reline (0.5.9)
      io-console (~> 0.5)
    request_store (1.7.0)
      rack (>= 1.4)
    rexml (3.3.5)
      strscan
    rotp (6.3.0)
    rouge (4.3.0)
    rqrcode (2.2.0)
      chunky_png (~> 1.0)
      rqrcode_core (~> 1.0)
    rqrcode_core (1.2.0)
    rspec (3.13.0)
      rspec-core (~> 3.13.0)
      rspec-expectations (~> 3.13.0)
      rspec-mocks (~> 3.13.0)
    rspec-core (3.13.0)
      rspec-support (~> 3.13.0)
    rspec-expectations (3.13.1)
      diff-lcs (>= 1.2.0, < 2.0)
      rspec-support (~> 3.13.0)
    rspec-mocks (3.13.1)
      diff-lcs (>= 1.2.0, < 2.0)
      rspec-support (~> 3.13.0)
    rspec-rails (6.1.3)
      actionpack (>= 6.1)
      activesupport (>= 6.1)
      railties (>= 6.1)
      rspec-core (~> 3.13)
      rspec-expectations (~> 3.13)
      rspec-mocks (~> 3.13)
      rspec-support (~> 3.13)
    rspec-support (3.13.1)
    rspec_api_documentation (6.1.0)
      activesupport (>= 3.0.0)
      mustache (~> 1.0, >= 0.99.4)
      rspec (~> 3.0)
    rubocop (1.65.1)
      json (~> 2.3)
      language_server-protocol (>= 3.17.0)
      parallel (~> 1.10)
      parser (>= 3.3.0.2)
      rainbow (>= 2.2.2, < 4.0)
      regexp_parser (>= 2.4, < 3.0)
      rexml (>= 3.2.5, < 4.0)
      rubocop-ast (>= 1.31.1, < 2.0)
      ruby-progressbar (~> 1.7)
      unicode-display_width (>= 2.4.0, < 3.0)
    rubocop-ast (1.32.0)
      parser (>= 3.3.1.0)
    rubocop-capybara (2.21.0)
      rubocop (~> 1.41)
    rubocop-factory_bot (2.26.1)
      rubocop (~> 1.61)
    rubocop-performance (1.21.1)
      rubocop (>= 1.48.1, < 2.0)
      rubocop-ast (>= 1.31.1, < 2.0)
    rubocop-rails (2.25.1)
      activesupport (>= 4.2.0)
      rack (>= 1.1)
      rubocop (>= 1.33.0, < 2.0)
      rubocop-ast (>= 1.31.1, < 2.0)
    rubocop-rake (0.6.0)
      rubocop (~> 1.0)
    rubocop-rspec (3.0.4)
      rubocop (~> 1.61)
    rubocop-thread_safety (0.5.1)
      rubocop (>= 0.90.0)
    ruby-prof (1.7.0)
    ruby-progressbar (1.13.0)
    ruby-saml (1.16.0)
      nokogiri (>= 1.13.10)
      rexml
    rubyzip (2.3.2)
    rufus-scheduler (3.9.1)
      fugit (~> 1.1, >= 1.1.6)
    sass-rails (6.0.0)
      sassc-rails (~> 2.1, >= 2.1.1)
    sassc (2.4.0)
      ffi (~> 1.9)
    sassc-rails (2.1.2)
      railties (>= 4.0.0)
      sassc (>= 2.0)
      sprockets (> 3.0)
      sprockets-rails
      tilt
    scanf (1.0.0)
    scrypt (3.0.8)
      ffi-compiler (>= 1.0, < 2.0)
      rake (>= 9, < 14)
    select2-rails (4.0.13)
    shoulda-matchers (6.3.1)
      activesupport (>= 5.2.0)
    sidekiq (6.5.12)
      connection_pool (>= 2.2.5, < 3)
      rack (~> 2.0)
      redis (>= 4.5.0, < 5)
    sidekiq-scheduler (5.0.6)
      rufus-scheduler (~> 3.2)
      sidekiq (>= 6, < 8)
      tilt (>= 1.4.0, < 3)
    sidekiq-status (3.0.3)
      chronic_duration
      sidekiq (>= 6.0, < 8)
    silencer (2.0.0)
    simplecov (0.22.0)
      docile (~> 1.1)
      simplecov-html (~> 0.11)
      simplecov_json_formatter (~> 0.1)
    simplecov-html (0.12.3)
    simplecov_json_formatter (0.1.4)
    skim (0.11.0)
      coffee-script
      coffee-script-source (>= 1.2.0)
      slim (>= 3.0)
      sprockets (>= 2.0, < 5.0)
    slim (5.2.1)
      temple (~> 0.10.0)
      tilt (>= 2.1.0)
    spring (4.2.1)
    sprockets (4.2.1)
      concurrent-ruby (~> 1.0)
      rack (>= 2.2.4, < 4)
    sprockets-rails (3.5.2)
      actionpack (>= 6.1)
      activesupport (>= 6.1)
      sprockets (>= 3.0.0)
    stringio (3.1.1)
    strscan (3.1.0)
    sucker_punch (3.2.0)
      concurrent-ruby (~> 1.0)
    systemu (2.6.5)
    temple (0.10.3)
    terrapin (1.0.1)
      climate_control
    thor (1.3.1)
    thread_safe (0.3.6)
    thwait (0.2.0)
      e2mmap
    tilt (2.4.0)
    timecop (0.9.10)
    timeout (0.4.1)
    tzinfo (2.0.6)
      concurrent-ruby (~> 1.0)
    uglifier (4.2.0)
      execjs (>= 0.3.0, < 3)
    unicode-display_width (2.5.0)
    unicorn (6.1.0)
      kgio (~> 2.6)
      raindrops (~> 0.7)
    unicorn-rails (2.2.1)
      rack
      unicorn
    uri (0.13.0)
    uuid (2.3.9)
      macaddr (~> 1.0)
    virtus (2.0.0)
      axiom-types (~> 0.1)
      coercible (~> 1.0)
      descendants_tracker (~> 0.0, >= 0.0.3)
    web-console (4.2.1)
      actionview (>= 6.0.0)
      activemodel (>= 6.0.0)
      bindex (>= 0.4.0)
      railties (>= 6.0.0)
    webmock (3.23.1)
      addressable (>= 2.8.0)
      crack (>= 0.3.2)
      hashdiff (>= 0.4.0, < 2.0.0)
    webrick (1.8.1)
    websocket-driver (0.7.6)
      websocket-extensions (>= 0.1.0)
    websocket-extensions (0.1.5)
    with_advisory_lock (5.1.0)
      activerecord (>= 6.1)
      zeitwerk (>= 2.6)
    xmlrpc (0.3.3)
      webrick
    xpath (3.2.0)
      nokogiri (~> 1.8)
    yard (0.9.36)
    yardstick (0.9.9)
      yard (~> 0.8, >= 0.8.7.2)
    zeitwerk (2.6.17)

PLATFORMS
  aarch64-linux
  aarch64-linux-gnu
  aarch64-linux-musl
  arm-linux
  arm-linux-gnu
  arm-linux-musl
  arm64-darwin
  x86-linux
  x86-linux-gnu
  x86-linux-musl
  x86_64-darwin
  x86_64-linux
  x86_64-linux-gnu
  x86_64-linux-musl

DEPENDENCIES
  aasm
  active_model_serializers
  analytics-ruby
  approval
  attr_encrypted
  authlogic
  autotuner
  aws-sdk
  aza-siem!
  bcrypt
  better_errors
  binding_of_caller
  blockcypher-ruby
  bootsnap
  bootstrap-sass
  bootstrap-select-rails
  brakeman
  bundler-audit
  capybara
  capybara-screenshot
  caxlsx
  caxlsx_rails
  coffee-rails
  dalli (= 3.2.6)
  dalli-elasticache
  dotenv-rails
  ejs
  elasticsearch
  factory_bot_rails
  font-awesome-rails
  google-authenticator-rails
  honeybadger
  i18n-js
  iso_country_codes
  jquery-rails
  jquery-validation-rails
  kaminari
  kgio
  kt-paperclip
  letter_opener
  listen
  lograge-sql
  money-rails
  net-protocol
  net_http_ssl_fix
  optimizely-sdk
  paper_trail
  paper_trail-association_tracking
  paper_trail-globalid
  parallel_tests
  pg
  pg_search
  postgresql_cursor
  pry
  pry-byebug
  pry-rails
  puma
  rack-attack
  rack-cors
  rails (~> 7.1.3, >= 7.1.3.4)
  rails-controller-testing
  rb-readline
  redis-namespace
  rspec
  rspec-rails
  rspec_api_documentation
  rubocop
  rubocop-capybara
  rubocop-factory_bot
  rubocop-performance
  rubocop-rails
  rubocop-rake
  rubocop-rspec
  rubocop-thread_safety
  ruby-prof
  ruby-saml
  sass-rails
  scanf
  scrypt
  select2-rails
  shoulda-matchers
  sidekiq (~> 6.5)
  sidekiq-scheduler
  sidekiq-status
  silencer
  simplecov
  skim
  spring
  sprockets-rails
  sucker_punch
  thwait
  timecop
  uglifier
  unicorn
  unicorn-rails
  uuid
  virtus
  web-console
  webmock
  with_advisory_lock
  xmlrpc
  yardstick

BUNDLED WITH
   2.5.14
